{
  "bids_meta": {
    "EchoTime": 0.0033900000000000002,
    "FlipAngle": 9,
    "MRAcquisitionType": "3D",
    "MagneticFieldStrength": 3,
    "Manufacturer": "SIEMENS",
    "ManufacturerModelName": "TrioTim",
    "RepetitionTime": 2,
    "ScanOptions": "IR",
    "ScanningSequence": "GR\\IR",
    "SequenceName": "tfl3d1_ns",
    "SequenceVariant": "SP\\MP",
    "SliceTiming": [
      0.0025000000000000022,
      0.5,
      -0.030000000000000027,
      0.46625,
      -0.06374999999999997,
      0.43374999999499997,
      -0.09624999999999995,
      0.399999999995,
      -0.1300000000049999,
      0.367499999995,
      -0.16250000000499998,
      0.33374999999,
      -0.19625000001000004,
      0.30124999999,
      -0.22875000001,
      0.26749999999999996,
      -0.26249999999500007,
      0.235,
      -0.29500000000000004,
      0.20124999999999998,
      -0.32875,
      0.168749999995,
      -0.36124999999999996,
      0.134999999995,
      -0.3950000000049999,
      0.10249999999499998,
      -0.427500000005,
      0.06874999998999998,
      -0.46125000001000005,
      0.036249999990000004
    ],
    "TaskName": "MPRAGE",
    "dataset": "ds000212",
    "modality": "T1w",
    "subject_id": "28"
  },
  "cjv": 0.45865979393139183,
  "cnr": 2.8984307242239207,
  "efc": 0.5929989658305389,
  "fber": 827.28140625,
  "fwhm_avg": 3.4411318227219296,
  "fwhm_x": 2.967225468165788,
  "fwhm_y": 4.12172,
  "fwhm_z": 3.23445,
  "icvs_csf": 0.2015102575500167,
  "icvs_gm": 0.4324050675585414,
  "icvs_wm": 0.3660846748914419,
  "inu_med": 1.7986242771148682,
  "inu_range": 0.5942852020263669,
  "provenance": {
    "md5sum": "dd3b494210d545a6ab6adbadd66eacf6",
    "settings": {
      "testing": false
    },
    "software": "mriqc",
    "version": "21.0.0rc2",
    "warnings": {
      "large_rot_frame": true,
      "small_air_mask": false
    },
    "webapi_port": null,
    "webapi_url": "https://mriqc.nimh.nih.gov/api/v1"
  },
  "qi_1": 0.0,
  "qi_2": 0.007618965549115602,
  "rpve_csf": 29.762321397323774,
  "rpve_gm": 14.706438005216166,
  "rpve_wm": 20.376137146879536,
  "size_x": 128,
  "size_y": 256,
  "size_z": 256,
  "snr_csf": 3.8356520114635373,
  "snr_gm": 11.474525230673448,
  "snr_total": 11.891571052664935,
  "snr_wm": 20.364535915857815,
  "snrd_csf": 39.79777526685164,
  "snrd_gm": 67.94042033455698,
  "snrd_total": 65.75429659391995,
  "snrd_wm": 89.52469418035123,
  "spacing_x": 1.3300000429153442,
  "spacing_y": 1.0,
  "spacing_z": 1.0,
  "summary_bg_k": 6.643727154107763,
  "summary_bg_mad": 7.317940255969583,
  "summary_bg_mean": 21.378679213091164,
  "summary_bg_median": 19.02632426097989,
  "summary_bg_n": 2847529.0,
  "summary_bg_p05": 0.0,
  "summary_bg_p95": 41.9760368950665,
  "summary_bg_stdv": 11.58812357140265,
  "summary_csf_k": 1.321541615070121,
  "summary_csf_mad": 127.3446697534536,
  "summary_csf_mean": 431.703232589498,
  "summary_csf_median": 444.54521485604346,
  "summary_csf_n": 10796.0,
  "summary_csf_p05": 246.81487824581563,
  "summary_csf_p95": 604.2545431731269,
  "summary_csf_stdv": 115.89284550016355,
  "summary_gm_k": 0.1698910053572935,
  "summary_gm_mad": 63.48469538298399,
  "summary_gm_mean": 761.780510591677,
  "summary_gm_median": 758.90143487975,
  "summary_gm_n": 9287.0,
  "summary_gm_p05": 656.8891184818,
  "summary_gm_p95": 876.1559041723608,
  "summary_gm_stdv": 66.13437682677494,
  "summary_wm_k": 0.3401625258253036,
  "summary_wm_mad": 47.097512929445266,
  "summary_wm_mean": 999.9421548433118,
  "summary_wm_median": 999.9999784529209,
  "summary_wm_n": 119363.0,
  "summary_wm_p05": 918.7478708550334,
  "summary_wm_p95": 1080.5349075309932,
  "summary_wm_stdv": 49.10476691800202,
  "tpm_overlap_csf": 0.17357666790485382,
  "tpm_overlap_gm": 0.4634310305118561,
  "tpm_overlap_wm": 0.5172916054725647,
  "wm2max": 0.6338188818960483
}