{
  "bids_meta": {
    "EchoTime": 0.0033900000000000002,
    "FlipAngle": 9,
    "MRAcquisitionType": "3D",
    "MagneticFieldStrength": 3,
    "Manufacturer": "SIEMENS",
    "ManufacturerModelName": "TrioTim",
    "RepetitionTime": 2,
    "ScanOptions": "IR",
    "ScanningSequence": "GR\\IR",
    "SequenceName": "tfl3d1_ns",
    "SequenceVariant": "SP\\MP",
    "SliceTiming": [
      0.003749999994999975,
      0.5,
      -0.030000000004999916,
      0.4675,
      -0.0625,
      0.43374999999499997,
      -0.09624999999999995,
      0.401249999995,
      -0.12875000000499992,
      0.3675,
      -0.16250000000499998,
      0.33499999999999996,
      -0.19499999999999995,
      0.301249999995,
      -0.22875,
      0.268749999995,
      -0.261250000005,
      0.235,
      -0.29500000000499993,
      0.2025,
      -0.3275,
      0.168749999995,
      -0.36124999999999996,
      0.13624999999499998,
      -0.39375000000499993,
      0.10249999999499998,
      -0.427500000005,
      0.07,
      -0.46000000000499996,
      0.036249999995000004
    ],
    "TaskName": "MPRAGE",
    "dataset": "ds000212",
    "modality": "T1w",
    "subject_id": "11"
  },
  "cjv": 0.4581652689131895,
  "cnr": 2.864997014712778,
  "efc": 0.5806968821221875,
  "fber": 853.8950631785916,
  "fwhm_avg": 3.6204551900609574,
  "fwhm_x": 3.0931653137261246,
  "fwhm_y": 4.302630256456748,
  "fwhm_z": 3.46557,
  "icvs_csf": 0.18900874986897961,
  "icvs_gm": 0.4264728850149592,
  "icvs_wm": 0.3845183651160612,
  "inu_med": 1.3309345245361328,
  "inu_range": 0.47573001384735103,
  "provenance": {
    "md5sum": "db9d3b4c2435f08c70efd5e8d24b2132",
    "settings": {
      "testing": false
    },
    "software": "mriqc",
    "version": "21.0.0rc2",
    "warnings": {
      "large_rot_frame": true,
      "small_air_mask": false
    },
    "webapi_port": null,
    "webapi_url": "https://mriqc.nimh.nih.gov/api/v1"
  },
  "qi_1": 0.0,
  "qi_2": 0.013719259917812868,
  "rpve_csf": 27.52816151799144,
  "rpve_gm": 13.24213144651369,
  "rpve_wm": 17.556046709630646,
  "size_x": 128,
  "size_y": 256,
  "size_z": 256,
  "snr_csf": 3.0368959574256564,
  "snr_gm": 10.504968147366805,
  "snr_total": 12.234281558702277,
  "snr_wm": 23.160980571314365,
  "snrd_csf": 34.187552927078656,
  "snrd_gm": 71.25151257525039,
  "snrd_total": 66.50057799582179,
  "snrd_wm": 94.06266848513631,
  "spacing_x": 1.3300000429153442,
  "spacing_y": 0.9999999403953552,
  "spacing_z": 1.0,
  "summary_bg_k": 1.776459106402518,
  "summary_bg_mad": 6.9652014067778785,
  "summary_bg_mean": 21.823624058297625,
  "summary_bg_median": 18.703187130391598,
  "summary_bg_n": 2690363.0,
  "summary_bg_p05": 9.351593565195799,
  "summary_bg_p95": 41.21792424470186,
  "summary_bg_stdv": 10.081842964061838,
  "summary_csf_k": 1.2256296861304712,
  "summary_csf_mad": 127.64060125156631,
  "summary_csf_mean": 388.09558325218933,
  "summary_csf_median": 363.4711792804301,
  "summary_csf_n": 11164.0,
  "summary_csf_p05": 227.90188081171362,
  "summary_csf_p95": 587.6811750495807,
  "summary_csf_stdv": 119.67973394373277,
  "summary_gm_k": 0.08167476622274661,
  "summary_gm_mad": 70.76907467075259,
  "summary_gm_mean": 761.790069531086,
  "summary_gm_median": 757.5233991295099,
  "summary_gm_n": 13002.0,
  "summary_gm_p05": 648.100890346989,
  "summary_gm_p95": 886.7172154448926,
  "summary_gm_stdv": 72.10819270552321,
  "summary_wm_k": 0.6650552114999737,
  "summary_wm_mad": 40.345600601524694,
  "summary_wm_mean": 1000.0037897969212,
  "summary_wm_median": 1000.0443469434977,
  "summary_wm_n": 149713.0,
  "summary_wm_p05": 929.2204298004508,
  "summary_wm_p95": 1070.1148181594908,
  "summary_wm_stdv": 43.1778354110387,
  "tpm_overlap_csf": 0.19391578435897827,
  "tpm_overlap_gm": 0.46418729424476624,
  "tpm_overlap_wm": 0.5296732783317566,
  "wm2max": 0.7044559209747827
}