{
  "bids_meta": {
    "EchoTime": 0.0033900000000000002,
    "FlipAngle": 9,
    "MRAcquisitionType": "3D",
    "MagneticFieldStrength": 3,
    "Manufacturer": "SIEMENS",
    "ManufacturerModelName": "TrioTim",
    "RepetitionTime": 2,
    "ScanOptions": "IR",
    "ScanningSequence": "GR\\IR",
    "SequenceName": "tfl3d1_ns",
    "SequenceVariant": "SP\\MP",
    "SliceTiming": [
      0.003749999994999975,
      0.5,
      -0.030000000004999916,
      0.4675,
      -0.0625,
      0.43374999999499997,
      -0.09624999999999995,
      0.401249999995,
      -0.12875000000499992,
      0.367499999995,
      -0.16250000000499998,
      0.33499999999999996,
      -0.19500000000499995,
      0.301249999995,
      -0.22875,
      0.268749999995,
      -0.261250000005,
      0.234999999995,
      -0.29500000000499993,
      0.2025,
      -0.3275000000049999,
      0.168749999995,
      -0.36124999999999996,
      0.13624999999499998,
      -0.39375000000499993,
      0.10249999999499998,
      -0.427500000005,
      0.07,
      -0.46000000000499996,
      0.036249999995000004
    ],
    "TaskName": "MPRAGE",
    "dataset": "ds000212",
    "modality": "T1w",
    "subject_id": "44"
  },
  "cjv": 0.38893153212242104,
  "cnr": 3.40992124190137,
  "efc": 0.625677714418691,
  "fber": 798.8378406640393,
  "fwhm_avg": 3.6812416450376504,
  "fwhm_x": 3.176014935112952,
  "fwhm_y": 4.40322,
  "fwhm_z": 3.46449,
  "icvs_csf": 0.19433015769539883,
  "icvs_gm": 0.4159228407325882,
  "icvs_wm": 0.38974700157201303,
  "inu_med": 1.576389193534851,
  "inu_range": 0.6160074651241303,
  "provenance": {
    "md5sum": "454769abef553fa61a9db96ad03caead",
    "settings": {
      "testing": false
    },
    "software": "mriqc",
    "version": "21.0.0rc2",
    "warnings": {
      "large_rot_frame": true,
      "small_air_mask": false
    },
    "webapi_port": null,
    "webapi_url": "https://mriqc.nimh.nih.gov/api/v1"
  },
  "qi_1": 0.0,
  "qi_2": 0.013506940345054187,
  "rpve_csf": 26.767651993905456,
  "rpve_gm": 13.138191018664497,
  "rpve_wm": 16.78358178871752,
  "size_x": 128,
  "size_y": 256,
  "size_z": 256,
  "snr_csf": 2.990582517270703,
  "snr_gm": 11.394998142826628,
  "snr_total": 12.628936644761522,
  "snr_wm": 23.501229274187235,
  "snrd_csf": 25.750449076966834,
  "snrd_gm": 55.34312274154011,
  "snrd_total": 52.16192603997349,
  "snrd_wm": 75.39220630141352,
  "spacing_x": 1.3300000429153442,
  "spacing_y": 1.0,
  "spacing_z": 1.0,
  "summary_bg_k": 1.7512487981224032,
  "summary_bg_mad": 8.689709184254163,
  "summary_bg_mean": 23.581480322607067,
  "summary_bg_median": 23.337263502180576,
  "summary_bg_n": 2529837.0,
  "summary_bg_p05": 11.615023948252201,
  "summary_bg_p95": 44.60169196128845,
  "summary_bg_stdv": 11.043712181349424,
  "summary_csf_k": 0.40403069816299375,
  "summary_csf_mad": 95.5868010267958,
  "summary_csf_mean": 368.8340198020726,
  "summary_csf_median": 341.5531811490655,
  "summary_csf_n": 12379.0,
  "summary_csf_p05": 225.0669994354248,
  "summary_csf_p95": 602.4552098549901,
  "summary_csf_stdv": 114.2049695096921,
  "summary_gm_k": 0.3040603434378224,
  "summary_gm_mad": 62.62948936456355,
  "summary_gm_mean": 734.5835627853929,
  "summary_gm_median": 734.0695135295391,
  "summary_gm_n": 8287.0,
  "summary_gm_p05": 631.8430073708296,
  "summary_gm_p95": 842.7789899781346,
  "summary_gm_stdv": 64.41644066698,
  "summary_wm_k": 0.3585892347482358,
  "summary_wm_mad": 40.79924434070552,
  "summary_wm_mean": 999.8773545363852,
  "summary_wm_median": 999.9999541416764,
  "summary_wm_n": 150855.0,
  "summary_wm_p05": 929.9881636351347,
  "summary_wm_p95": 1069.1182812675834,
  "summary_wm_stdv": 42.550822683716824,
  "tpm_overlap_csf": 0.18808087706565857,
  "tpm_overlap_gm": 0.4547266960144043,
  "tpm_overlap_wm": 0.5239189267158508,
  "wm2max": 0.6412161239787927
}