{
  "bids_meta": {
    "EchoTime": 0.0033900000000000002,
    "FlipAngle": 9,
    "MRAcquisitionType": "3D",
    "MagneticFieldStrength": 3,
    "Manufacturer": "SIEMENS",
    "ManufacturerModelName": "TrioTim",
    "RepetitionTime": 2,
    "ScanOptions": "IR",
    "ScanningSequence": "GR\\IR",
    "SequenceName": "tfl3d1_ns",
    "SequenceVariant": "SP\\MP",
    "SliceTiming": [
      0.0025000000000000022,
      0.5,
      -0.030000000000000027,
      0.46625,
      -0.06374999999999997,
      0.43374999999499997,
      -0.09624999999999995,
      0.399999999995,
      -0.1300000000049999,
      0.36750000001,
      -0.16250000000499998,
      0.333750000005,
      -0.19624999999500004,
      0.301250000005,
      -0.228749999995,
      0.26749999999999996,
      -0.26249999999500007,
      0.235,
      -0.29500000000000004,
      0.20124999999999998,
      -0.32875,
      0.168749999995,
      -0.36124999999999996,
      0.134999999995,
      -0.3950000000049999,
      0.10249999999499998,
      -0.427500000005,
      0.06875000000499998,
      -0.46124999999500005,
      0.036250000005000005
    ],
    "TaskName": "MPRAGE",
    "dataset": "ds000212",
    "modality": "T1w",
    "subject_id": "10"
  },
  "cjv": 0.4901293223666197,
  "cnr": 2.7552326623882513,
  "efc": 0.578856763975317,
  "fber": 720.6882572857079,
  "fwhm_avg": 3.7104448532959444,
  "fwhm_x": 3.153864559887832,
  "fwhm_y": 4.44451,
  "fwhm_z": 3.53296,
  "icvs_csf": 0.22280272520517222,
  "icvs_gm": 0.404729822626722,
  "icvs_wm": 0.37246745216810573,
  "inu_med": 1.60394287109375,
  "inu_range": 0.5843072652816774,
  "provenance": {
    "md5sum": "26d6263ead576ad381d1abeb9af6a0b6",
    "settings": {
      "testing": false
    },
    "software": "mriqc",
    "version": "21.0.0rc2",
    "warnings": {
      "large_rot_frame": true,
      "small_air_mask": false
    },
    "webapi_port": null,
    "webapi_url": "https://mriqc.nimh.nih.gov/api/v1"
  },
  "qi_1": 0.0,
  "qi_2": 0.009666230667413591,
  "rpve_csf": 24.174289739716478,
  "rpve_gm": 13.348400930367786,
  "rpve_wm": 17.686353511739064,
  "size_x": 128,
  "size_y": 256,
  "size_z": 256,
  "snr_csf": 3.063369508849334,
  "snr_gm": 10.088987771446817,
  "snr_total": 11.795493904706843,
  "snr_wm": 22.234124433824377,
  "snrd_csf": 29.43085336112876,
  "snrd_gm": 64.90198857599954,
  "snrd_total": 60.023018469228475,
  "snrd_wm": 85.73621347055713,
  "spacing_x": 1.3300000429153442,
  "spacing_y": 1.0,
  "spacing_z": 1.0,
  "summary_bg_k": 3.2058197839591287,
  "summary_bg_mad": 7.641302869680214,
  "summary_bg_mean": 22.282339020022437,
  "summary_bg_median": 20.36035257577896,
  "summary_bg_n": 2784513.0,
  "summary_bg_p05": 10.18017628788948,
  "summary_bg_p95": 44.34126994013786,
  "summary_bg_stdv": 11.259619818495052,
  "summary_csf_k": 0.30297914237305656,
  "summary_csf_mad": 100.09475246647223,
  "summary_csf_mean": 367.83924483271306,
  "summary_csf_median": 343.27213683724403,
  "summary_csf_n": 16941.0,
  "summary_csf_p05": 224.43242201209068,
  "summary_csf_p95": 587.9797216653824,
  "summary_csf_stdv": 112.05373830838491,
  "summary_gm_k": -0.23871063838838769,
  "summary_gm_mad": 76.85508754050265,
  "summary_gm_mean": 760.6851483131377,
  "summary_gm_median": 756.9962049722672,
  "summary_gm_n": 8754.0,
  "summary_gm_p05": 641.975121127069,
  "summary_gm_p95": 890.3778117835523,
  "summary_gm_stdv": 75.02764238839227,
  "summary_wm_k": 0.5999132840714458,
  "summary_wm_mad": 42.248195205091434,
  "summary_wm_mean": 999.8273442615401,
  "summary_wm_median": 999.9999946057796,
  "summary_wm_n": 147940.0,
  "summary_wm_p05": 925.3311702013016,
  "summary_wm_p95": 1072.8798340559006,
  "summary_wm_stdv": 44.97575867346784,
  "tpm_overlap_csf": 0.1695205718278885,
  "tpm_overlap_gm": 0.444579541683197,
  "tpm_overlap_wm": 0.508516788482666,
  "wm2max": 0.6794805639239859
}