{
  "bids_meta": {
    "EchoTime": 0.0033900000000000002,
    "FlipAngle": 9,
    "MRAcquisitionType": "3D",
    "MagneticFieldStrength": 3,
    "Manufacturer": "SIEMENS",
    "ManufacturerModelName": "TrioTim",
    "RepetitionTime": 2,
    "ScanOptions": "IR",
    "ScanningSequence": "GR\\IR",
    "SequenceName": "tfl3d1_ns",
    "SequenceVariant": "SP\\MP",
    "SliceTiming": [
      0.0037499999899999747,
      0.5,
      -0.030000000014999917,
      0.4675,
      -0.0625,
      0.43374999999499997,
      -0.09624999999999995,
      0.401249999995,
      -0.12875000000499992,
      0.367499999995,
      -0.16250000000499998,
      0.33499999998999996,
      -0.19500000000499995,
      0.30124999999,
      -0.22875000001,
      0.26874999999,
      -0.26125000001,
      0.23499999998499999,
      -0.29500000001499993,
      0.2025,
      -0.3275000000149999,
      0.168749999995,
      -0.36124999999999996,
      0.13624999999499998,
      -0.39375000000499993,
      0.10249999999499998,
      -0.427500000005,
      0.06999999999,
      -0.46000000000499996,
      0.036249999990000004
    ],
    "TaskName": "MPRAGE",
    "dataset": "ds000212",
    "modality": "T1w",
    "subject_id": "23"
  },
  "cjv": 0.510190457856032,
  "cnr": 2.5891679684728737,
  "efc": 0.5750701181841555,
  "fber": 798.296633191905,
  "fwhm_avg": 3.5620347040297844,
  "fwhm_x": 3.050684112089354,
  "fwhm_y": 4.28255,
  "fwhm_z": 3.35287,
  "icvs_csf": 0.1990006505917353,
  "icvs_gm": 0.4280833917488486,
  "icvs_wm": 0.3729159576594161,
  "inu_med": 1.7151610851287842,
  "inu_range": 0.6307999789714813,
  "provenance": {
    "md5sum": "615f74bd8de7d9895ce725105d174bf3",
    "settings": {
      "testing": false
    },
    "software": "mriqc",
    "version": "21.0.0rc2",
    "warnings": {
      "large_rot_frame": true,
      "small_air_mask": false
    },
    "webapi_port": null,
    "webapi_url": "https://mriqc.nimh.nih.gov/api/v1"
  },
  "qi_1": 0.0,
  "qi_2": 0.012026580220149968,
  "rpve_csf": 25.79717537929603,
  "rpve_gm": 12.803549115817734,
  "rpve_wm": 17.287517123998505,
  "size_x": 128,
  "size_y": 256,
  "size_z": 256,
  "snr_csf": 2.9304893652029507,
  "snr_gm": 10.394150318440582,
  "snr_total": 11.696353754902292,
  "snr_wm": 21.764421581063345,
  "snrd_csf": 28.989942202218778,
  "snrd_gm": 68.8161472357242,
  "snrd_total": 62.30682212557233,
  "snrd_wm": 89.11437693877403,
  "spacing_x": 1.3300000429153442,
  "spacing_y": 1.0,
  "spacing_z": 1.0,
  "summary_bg_k": 1.862589124037532,
  "summary_bg_mad": 7.351635088118737,
  "summary_bg_mean": 22.711864003388044,
  "summary_bg_median": 19.788918290287256,
  "summary_bg_n": 2810858.0,
  "summary_bg_p05": 9.871713262051344,
  "summary_bg_p95": 43.03521081060171,
  "summary_bg_stdv": 10.445182952836808,
  "summary_csf_k": 1.0399079249050605,
  "summary_csf_mad": 92.33383885903258,
  "summary_csf_mean": 352.7500068586453,
  "summary_csf_median": 325.31161998584867,
  "summary_csf_n": 13033.0,
  "summary_csf_p05": 218.93367393985392,
  "summary_csf_p95": 583.3864095509052,
  "summary_csf_stdv": 111.00505714317852,
  "summary_gm_k": 0.06325529751888448,
  "summary_gm_mad": 72.84188894649758,
  "summary_gm_mean": 775.593940792431,
  "summary_gm_median": 772.2227309830487,
  "summary_gm_n": 11224.0,
  "summary_gm_p05": 660.1059986328706,
  "summary_gm_p95": 904.5514550490306,
  "summary_gm_stdv": 74.2906640798863,
  "summary_wm_k": 0.5443255150574702,
  "summary_wm_mad": 43.36790240055365,
  "summary_wm_mean": 1000.6338960692827,
  "summary_wm_median": 1000.0000042691827,
  "summary_wm_n": 152408.0,
  "summary_wm_p05": 926.2123595178127,
  "summary_wm_p95": 1076.8355973549187,
  "summary_wm_stdv": 45.946395582879944,
  "tpm_overlap_csf": 0.18159228563308716,
  "tpm_overlap_gm": 0.4519512355327606,
  "tpm_overlap_wm": 0.5051970481872559,
  "wm2max": 0.6600666705772501
}