{
  "bids_meta": {
    "EchoTime": 0.0033900000000000002,
    "FlipAngle": 9,
    "MRAcquisitionType": "3D",
    "MagneticFieldStrength": 3,
    "Manufacturer": "SIEMENS",
    "ManufacturerModelName": "TrioTim",
    "RepetitionTime": 2,
    "ScanOptions": "IR",
    "ScanningSequence": "GR\\IR",
    "SequenceName": "tfl3d1_ns",
    "SequenceVariant": "SP\\MP",
    "SliceTiming": [
      0.0037500000050000315,
      0.5,
      -0.030000000000000027,
      0.4675,
      -0.0625,
      0.43374999999499997,
      -0.09624999999999995,
      0.401249999995,
      -0.12875000000499992,
      0.367499999995,
      -0.16250000000499998,
      0.33499999998999996,
      -0.19500000000499995,
      0.301250000005,
      -0.228749999995,
      0.26875000000500004,
      -0.2612499999950001,
      0.235,
      -0.29500000000000004,
      0.2025,
      -0.3275,
      0.168749999995,
      -0.36124999999999996,
      0.13624999999499998,
      -0.39375000000499993,
      0.10249999999499998,
      -0.427500000005,
      0.06999999999,
      -0.46000000000499996,
      0.036250000005000005
    ],
    "TaskName": "MPRAGE",
    "dataset": "ds000212",
    "modality": "T1w",
    "subject_id": "33"
  },
  "cjv": 0.43390569903923626,
  "cnr": 3.12543916037418,
  "efc": 0.5813108231586801,
  "fber": 898.954552142813,
  "fwhm_avg": 3.6206342524130246,
  "fwhm_x": 3.0961427572390736,
  "fwhm_y": 4.32012,
  "fwhm_z": 3.44564,
  "icvs_csf": 0.22705469020432614,
  "icvs_gm": 0.41204853601021146,
  "icvs_wm": 0.3608967737854624,
  "inu_med": 1.6347203254699707,
  "inu_range": 0.5958786368370057,
  "provenance": {
    "md5sum": "e24f3b3923a99f9965b3a32c88597d84",
    "settings": {
      "testing": false
    },
    "software": "mriqc",
    "version": "21.0.0rc2",
    "warnings": {
      "large_rot_frame": true,
      "small_air_mask": false
    },
    "webapi_port": null,
    "webapi_url": "https://mriqc.nimh.nih.gov/api/v1"
  },
  "qi_1": 0.0,
  "qi_2": 0.012867340983473077,
  "rpve_csf": 26.973380479989643,
  "rpve_gm": 14.837353920363528,
  "rpve_wm": 19.99169021585288,
  "size_x": 128,
  "size_y": 256,
  "size_z": 256,
  "snr_csf": 3.5868820417265583,
  "snr_gm": 11.198450353262912,
  "snr_total": 11.963114874683415,
  "snr_wm": 21.104012229060775,
  "snrd_csf": 26.067207362461165,
  "snrd_gm": 60.78601425399495,
  "snrd_total": 56.223768444981296,
  "snrd_wm": 81.81808371848778,
  "spacing_x": 1.3300000429153442,
  "spacing_y": 1.0,
  "spacing_z": 1.0,
  "summary_bg_k": 23.735248297729168,
  "summary_bg_mad": 8.007611144484276,
  "summary_bg_mean": 21.80826670859671,
  "summary_bg_median": 21.462073624134064,
  "summary_bg_n": 2948450.0,
  "summary_bg_p05": 5.401051640510559,
  "summary_bg_p95": 42.45037078857422,
  "summary_bg_stdv": 10.89274205705304,
  "summary_csf_k": 1.0954405596582335,
  "summary_csf_mad": 74.31625079705582,
  "summary_csf_mean": 336.4108994722595,
  "summary_csf_median": 318.6146691441536,
  "summary_csf_n": 17242.0,
  "summary_csf_p05": 220.97170968353748,
  "summary_csf_p95": 514.1398451775312,
  "summary_csf_stdv": 88.82517624249405,
  "summary_gm_k": -0.1247539601796408,
  "summary_gm_mad": 67.01106168278946,
  "summary_gm_mean": 746.2713450305912,
  "summary_gm_median": 742.9762440919876,
  "summary_gm_n": 6278.0,
  "summary_gm_p05": 644.1464745998383,
  "summary_gm_p95": 865.1845129877329,
  "summary_gm_stdv": 66.34106017307153,
  "summary_wm_k": 0.5373554813147852,
  "summary_wm_mad": 44.53355671581606,
  "summary_wm_mean": 999.2193556986133,
  "summary_wm_median": 1000.0473511219025,
  "summary_wm_n": 120361.0,
  "summary_wm_p05": 918.9841988682747,
  "summary_wm_p95": 1074.4776329398155,
  "summary_wm_stdv": 47.38640149999266,
  "tpm_overlap_csf": 0.17829188704490662,
  "tpm_overlap_gm": 0.43252742290496826,
  "tpm_overlap_wm": 0.49291491508483887,
  "wm2max": 0.6505979533966219
}