{
  "bids_meta": {
    "EchoTime": 0.0033900000000000002,
    "FlipAngle": 9,
    "MRAcquisitionType": "3D",
    "MagneticFieldStrength": 3,
    "Manufacturer": "SIEMENS",
    "ManufacturerModelName": "TrioTim",
    "RepetitionTime": 2,
    "ScanOptions": "IR",
    "ScanningSequence": "GR\\IR",
    "SequenceName": "tfl3d1_ns",
    "SequenceVariant": "SP\\MP",
    "SliceTiming": [
      0.0025000000000000022,
      0.5,
      -0.030000000000000027,
      0.46625000001,
      -0.06374999998500008,
      0.43375000000999997,
      -0.09624999998999995,
      0.40000000001,
      -0.12999999999,
      0.36750000001,
      -0.16249999998999998,
      0.333750000005,
      -0.19624999999500004,
      0.301250000005,
      -0.228749999995,
      0.26749999999999996,
      -0.26249999999500007,
      0.235,
      -0.29500000000000004,
      0.20125000001499999,
      -0.32875,
      0.16875000001,
      -0.36124999998500007,
      0.13500000001,
      -0.39499999999,
      0.10250000000999998,
      -0.42749999999,
      0.06875000000499998,
      -0.46124999999500005,
      0.036250000005000005
    ],
    "TaskName": "MPRAGE",
    "dataset": "ds000212",
    "modality": "T1w",
    "subject_id": "42"
  },
  "cjv": 0.4505174905673542,
  "cnr": 2.985683896475393,
  "efc": 0.6346891488602147,
  "fber": 887.4247337576636,
  "fwhm_avg": 3.6428122963141294,
  "fwhm_x": 3.2087968889423886,
  "fwhm_y": 4.29386,
  "fwhm_z": 3.42578,
  "icvs_csf": 0.18713532383234033,
  "icvs_gm": 0.424321488199216,
  "icvs_wm": 0.38854318796844367,
  "inu_med": 1.7016983032226562,
  "inu_range": 0.6871827304363249,
  "provenance": {
    "md5sum": "513c23623500b4519ab16eedda2cb1c1",
    "settings": {
      "testing": false
    },
    "software": "mriqc",
    "version": "21.0.0rc2",
    "warnings": {
      "large_rot_frame": true,
      "small_air_mask": false
    },
    "webapi_port": null,
    "webapi_url": "https://mriqc.nimh.nih.gov/api/v1"
  },
  "qi_1": 0.0,
  "qi_2": 0.010799347499291576,
  "rpve_csf": 25.374779713520866,
  "rpve_gm": 12.025744219474294,
  "rpve_wm": 15.630747169612874,
  "size_x": 128,
  "size_y": 256,
  "size_z": 256,
  "snr_csf": 2.004494866169844,
  "snr_gm": 11.348319262612158,
  "snr_total": 10.94048642939668,
  "snr_wm": 19.46864515940804,
  "snrd_csf": 17.412872874565025,
  "snrd_gm": 36.34654026271437,
  "snrd_total": 34.11245274718342,
  "snrd_wm": 48.57794510427087,
  "spacing_x": 1.3300000429153442,
  "spacing_y": 1.0,
  "spacing_z": 1.0,
  "summary_bg_k": 1.760023188807926,
  "summary_bg_mad": 13.486292786666874,
  "summary_bg_mean": 23.893056492340836,
  "summary_bg_median": 23.64131736755371,
  "summary_bg_n": 2490679.0,
  "summary_bg_p05": 9.604285180568695,
  "summary_bg_p95": 44.1889467202127,
  "summary_bg_stdv": 11.274114780835124,
  "summary_csf_k": 56.87706064714405,
  "summary_csf_mad": 117.13221806084782,
  "summary_csf_mean": 398.14406756288315,
  "summary_csf_median": 358.45223969593644,
  "summary_csf_n": 13121.0,
  "summary_csf_p05": 230.36432098969817,
  "summary_csf_p95": 636.283893212676,
  "summary_csf_stdv": 178.81740981170833,
  "summary_gm_k": 0.2851253735123134,
  "summary_gm_mad": 63.66625528731062,
  "summary_gm_mean": 749.5442924795211,
  "summary_gm_median": 748.2107551246881,
  "summary_gm_n": 9667.0,
  "summary_gm_p05": 643.9257643539459,
  "summary_gm_p95": 859.8143959008157,
  "summary_gm_stdv": 65.9280055124014,
  "summary_wm_k": 0.2715004584417846,
  "summary_wm_mad": 49.76921246653207,
  "summary_wm_mean": 1001.9461832813935,
  "summary_wm_median": 1000.0000199787319,
  "summary_wm_n": 167671.0,
  "summary_wm_p05": 920.4414461031556,
  "summary_wm_p95": 1089.2090534828603,
  "summary_wm_stdv": 51.36449042837998,
  "tpm_overlap_csf": 0.1912626028060913,
  "tpm_overlap_gm": 0.4646408259868622,
  "tpm_overlap_wm": 0.5163379311561584,
  "wm2max": 0.6046232446466959
}