{
  "bids_meta": {
    "EchoTime": 0.0033900000000000002,
    "FlipAngle": 9,
    "MRAcquisitionType": "3D",
    "MagneticFieldStrength": 3,
    "Manufacturer": "SIEMENS",
    "ManufacturerModelName": "TrioTim",
    "RepetitionTime": 2,
    "ScanOptions": "IR",
    "ScanningSequence": "GR\\IR",
    "SequenceName": "tfl3d1_ns",
    "SequenceVariant": "SP\\MP",
    "SliceTiming": [
      0.0037500000050000315,
      0.5,
      -0.030000000000000027,
      0.4675,
      -0.0625,
      0.43374999999499997,
      -0.09624999999999995,
      0.401249999995,
      -0.12875000000499992,
      0.367499999995,
      -0.16250000000499998,
      0.33500000000499996,
      -0.19500000000499995,
      0.301250000005,
      -0.228749999995,
      0.26875000000500004,
      -0.2612499999950001,
      0.235,
      -0.29500000000000004,
      0.2025,
      -0.3275,
      0.168749999995,
      -0.36124999999999996,
      0.13624999999499998,
      -0.39375000000499993,
      0.10249999999499998,
      -0.427500000005,
      0.06999999999,
      -0.46000000000499996,
      0.036250000005000005
    ],
    "TaskName": "MPRAGE",
    "dataset": "ds000212",
    "modality": "T1w",
    "subject_id": "12"
  },
  "cjv": 0.4640536275423887,
  "cnr": 2.8015912983167293,
  "efc": 0.5811172308417226,
  "fber": 854.3322674162554,
  "fwhm_avg": 3.6508168334246225,
  "fwhm_x": 3.137240500273868,
  "fwhm_y": 4.39241,
  "fwhm_z": 3.4228,
  "icvs_csf": 0.18501425048452266,
  "icvs_gm": 0.4164575705631246,
  "icvs_wm": 0.39852817895235276,
  "inu_med": 1.548812985420227,
  "inu_range": 0.5656993925571441,
  "provenance": {
    "md5sum": "42920bb7b9a4d8b4517676b2e808dd8f",
    "settings": {
      "testing": false
    },
    "software": "mriqc",
    "version": "21.0.0rc2",
    "warnings": {
      "large_rot_frame": true,
      "small_air_mask": false
    },
    "webapi_port": null,
    "webapi_url": "https://mriqc.nimh.nih.gov/api/v1"
  },
  "qi_1": 0.0,
  "qi_2": 0.016863911376206315,
  "rpve_csf": 23.984572128902027,
  "rpve_gm": 11.411293746378526,
  "rpve_wm": 14.496718073069909,
  "size_x": 128,
  "size_y": 256,
  "size_z": 256,
  "snr_csf": 2.4665845805634485,
  "snr_gm": 9.945252072561342,
  "snr_total": 11.83517860980489,
  "snr_wm": 23.093699176289878,
  "snrd_csf": 29.22003454060335,
  "snrd_gm": 67.4536195979895,
  "snrd_total": 62.04663332098557,
  "snrd_wm": 89.46624582436387,
  "spacing_x": 1.3300000429153442,
  "spacing_y": 1.0,
  "spacing_z": 1.0,
  "summary_bg_k": 1.3902079450836622,
  "summary_bg_mad": 7.322721381105536,
  "summary_bg_mean": 21.230444170201267,
  "summary_bg_median": 19.660497196018696,
  "summary_bg_n": 2712928.0,
  "summary_bg_p05": 9.830248598009348,
  "summary_bg_p95": 39.22508952766657,
  "summary_bg_stdv": 9.538938986382137,
  "summary_csf_k": 1.592381384957127,
  "summary_csf_mad": 108.7744049814706,
  "summary_csf_mean": 369.1540566678372,
  "summary_csf_median": 326.6040156148374,
  "summary_csf_n": 11721.0,
  "summary_csf_p05": 217.60813725739717,
  "summary_csf_p95": 624.3886194862425,
  "summary_csf_stdv": 132.4057911743748,
  "summary_gm_k": 0.1345025768905126,
  "summary_gm_mad": 72.80064751701038,
  "summary_gm_mean": 760.0175769498642,
  "summary_gm_median": 753.9560912512243,
  "summary_gm_n": 13601.0,
  "summary_gm_p05": 645.4397372156382,
  "summary_gm_p95": 896.3748148418963,
  "summary_gm_stdv": 75.80786975584799,
  "summary_wm_k": 0.4494374853521452,
  "summary_wm_mad": 41.376930522363324,
  "summary_wm_mean": 1000.1918320276862,
  "summary_wm_median": 1000.0000207945704,
  "summary_wm_n": 191252.0,
  "summary_wm_p05": 929.3660881854594,
  "summary_wm_p95": 1071.0175728611648,
  "summary_wm_stdv": 43.30174212479753,
  "tpm_overlap_csf": 0.1713288277387619,
  "tpm_overlap_gm": 0.44648078083992004,
  "tpm_overlap_wm": 0.4959481954574585,
  "wm2max": 0.6542698930448699
}