{
  "bids_meta": {
    "EchoTime": 0.0033900000000000002,
    "FlipAngle": 9,
    "MRAcquisitionType": "3D",
    "MagneticFieldStrength": 3,
    "Manufacturer": "SIEMENS",
    "ManufacturerModelName": "TrioTim",
    "RepetitionTime": 2,
    "ScanOptions": "IR",
    "ScanningSequence": "GR\\IR",
    "SequenceName": "tfl3d1_ns",
    "SequenceVariant": "SP\\MP",
    "SliceTiming": [
      0.0037500000050000315,
      0.5,
      -0.030000000000000027,
      0.46750000001500003,
      -0.0625,
      0.43375000000999997,
      -0.09624999998999995,
      0.40125000001,
      -0.12874999999000003,
      0.36750000001,
      -0.16249999998999998,
      0.33500000000499996,
      -0.19499999998999995,
      0.301250000005,
      -0.228749999995,
      0.26875000000500004,
      -0.2612499999950001,
      0.235,
      -0.29500000000000004,
      0.2025,
      -0.3275,
      0.16875000001,
      -0.36124999998500007,
      0.13625000000999998,
      -0.39374999999000004,
      0.10250000000999998,
      -0.42749999999,
      0.07000000000500001,
      -0.45999999998999996,
      0.036250000005000005
    ],
    "TaskName": "MPRAGE",
    "dataset": "ds000212",
    "modality": "T1w",
    "subject_id": "38"
  },
  "cjv": 0.4346671235676801,
  "cnr": 2.9672380407238084,
  "efc": 0.6029803878574947,
  "fber": 804.0354850101197,
  "fwhm_avg": 3.642743399981781,
  "fwhm_x": 3.124120199945343,
  "fwhm_y": 4.36001,
  "fwhm_z": 3.4441,
  "icvs_csf": 0.19555062680503738,
  "icvs_gm": 0.3947472940788218,
  "icvs_wm": 0.4097020791161408,
  "inu_med": 1.5393640995025635,
  "inu_range": 0.49653814435005184,
  "provenance": {
    "md5sum": "3d36afc4f6d18c553230fc8b1bcdbeff",
    "settings": {
      "testing": false
    },
    "software": "mriqc",
    "version": "21.0.0rc2",
    "warnings": {
      "large_rot_frame": true,
      "small_air_mask": false
    },
    "webapi_port": null,
    "webapi_url": "https://mriqc.nimh.nih.gov/api/v1"
  },
  "qi_1": 0.0,
  "qi_2": 0.017271775512866364,
  "rpve_csf": 23.85904217195608,
  "rpve_gm": 12.201934396542429,
  "rpve_wm": 14.52487997041131,
  "size_x": 128,
  "size_y": 256,
  "size_z": 256,
  "snr_csf": 2.7987534936208283,
  "snr_gm": 10.628441241925447,
  "snr_total": 12.89682584177711,
  "snr_wm": 25.263282789785052,
  "snrd_csf": 33.14474293563681,
  "snrd_gm": 68.16306882305344,
  "snrd_total": 63.79726703918916,
  "snrd_wm": 90.08398935887723,
  "spacing_x": 1.3300000429153442,
  "spacing_y": 1.0,
  "spacing_z": 1.0,
  "summary_bg_k": 1.519944949582877,
  "summary_bg_mad": 7.272506112848788,
  "summary_bg_mean": 20.81367193515993,
  "summary_bg_median": 19.46395593881607,
  "summary_bg_n": 2493466.0,
  "summary_bg_p05": 9.731977969408035,
  "summary_bg_p95": 38.810186337679625,
  "summary_bg_stdv": 9.52989034081301,
  "summary_csf_k": 8.16535153035495,
  "summary_csf_mad": 133.52321223190376,
  "summary_csf_mean": 395.35290939559275,
  "summary_csf_median": 367.9315541982651,
  "summary_csf_n": 17934.0,
  "summary_csf_p05": 227.28877580165863,
  "summary_csf_p95": 619.2500747965648,
  "summary_csf_stdv": 131.4589859237309,
  "summary_gm_k": 0.41156840879692647,
  "summary_gm_mad": 69.0597180476121,
  "summary_gm_mean": 759.858464943343,
  "summary_gm_median": 756.6612871214747,
  "summary_gm_n": 9006.0,
  "summary_gm_p05": 649.4133202247322,
  "summary_gm_p95": 882.1763336341828,
  "summary_gm_stdv": 71.18816955381288,
  "summary_wm_k": 0.857658140657382,
  "summary_wm_mad": 36.71161085766068,
  "summary_wm_mean": 1000.9172606307112,
  "summary_wm_median": 999.9999782033265,
  "summary_wm_n": 203717.0,
  "summary_wm_p05": 937.762409415096,
  "summary_wm_p95": 1066.6718756631017,
  "summary_wm_stdv": 39.58303962854172,
  "tpm_overlap_csf": 0.1847987174987793,
  "tpm_overlap_gm": 0.4483788013458252,
  "tpm_overlap_wm": 0.5295119881629944,
  "wm2max": 0.6341263126461952
}