{
  "bids_meta": {
    "EchoTime": 0.0033900000000000002,
    "FlipAngle": 9,
    "MRAcquisitionType": "3D",
    "MagneticFieldStrength": 3,
    "Manufacturer": "SIEMENS",
    "ManufacturerModelName": "TrioTim",
    "RepetitionTime": 2,
    "ScanOptions": "IR",
    "ScanningSequence": "GR\\IR",
    "SequenceName": "tfl3d1_ns",
    "SequenceVariant": "SP\\MP",
    "SliceTiming": [
      0.003749999994999975,
      0.5,
      -0.030000000000000027,
      0.4675,
      -0.0625,
      0.43374999999499997,
      -0.09624999999999995,
      0.401250000005,
      -0.12875000000499992,
      0.3675,
      -0.16249999999999998,
      0.33499999999999996,
      -0.19499999999999995,
      0.301249999995,
      -0.22875,
      0.268749999995,
      -0.261250000005,
      0.235,
      -0.29500000000000004,
      0.2025,
      -0.3275,
      0.168749999995,
      -0.36124999999999996,
      0.13624999999499998,
      -0.39375000000499993,
      0.10249999999999998,
      -0.4275,
      0.07,
      -0.45999999999999996,
      0.036249999995000004
    ],
    "TaskName": "MPRAGE",
    "dataset": "ds000212",
    "modality": "T1w",
    "subject_id": "29"
  },
  "cjv": 0.4618220703620898,
  "cnr": 2.909103041341245,
  "efc": 0.6108778283182364,
  "fber": 634.2714191324333,
  "fwhm_avg": 3.710685404968434,
  "fwhm_x": 3.126526214905302,
  "fwhm_y": 4.49522,
  "fwhm_z": 3.51031,
  "icvs_csf": 0.2057972909893992,
  "icvs_gm": 0.3939806750047301,
  "icvs_wm": 0.4002220340058707,
  "inu_med": 1.6223175525665283,
  "inu_range": 0.5822551310062409,
  "provenance": {
    "md5sum": "f19352a23dac08a5df03220c7c6ed6b1",
    "settings": {
      "testing": false
    },
    "software": "mriqc",
    "version": "21.0.0rc2",
    "warnings": {
      "large_rot_frame": true,
      "small_air_mask": false
    },
    "webapi_port": null,
    "webapi_url": "https://mriqc.nimh.nih.gov/api/v1"
  },
  "qi_1": 0.0,
  "qi_2": 0.0090800977240803,
  "rpve_csf": 25.95719295511222,
  "rpve_gm": 13.703196823723971,
  "rpve_wm": 16.574042163700216,
  "size_x": 128,
  "size_y": 256,
  "size_z": 256,
  "snr_csf": 3.310176170874273,
  "snr_gm": 10.716270706551517,
  "snr_total": 12.188430384632403,
  "snr_wm": 22.538844276471412,
  "snrd_csf": 27.002324078941065,
  "snrd_gm": 58.90552980704887,
  "snrd_total": 54.62547519242636,
  "snrd_wm": 77.96857169128911,
  "spacing_x": 1.3300000429153442,
  "spacing_y": 1.0,
  "spacing_z": 1.0,
  "summary_bg_k": 1.8302140779240084,
  "summary_bg_mad": 8.402569767196008,
  "summary_bg_mean": 24.032954563228472,
  "summary_bg_median": 22.388758294284344,
  "summary_bg_n": 2878973.0,
  "summary_bg_p05": 11.147540740668774,
  "summary_bg_p95": 44.63700136914849,
  "summary_bg_stdv": 11.197938343079958,
  "summary_csf_k": 1.9966317572411638,
  "summary_csf_mad": 91.31718383357644,
  "summary_csf_mean": 363.17258393858697,
  "summary_csf_median": 346.32317746430635,
  "summary_csf_n": 17080.0,
  "summary_csf_p05": 224.86884755846114,
  "summary_csf_p95": 561.2669666910543,
  "summary_csf_stdv": 104.62072746965666,
  "summary_gm_k": 0.0011531002343914132,
  "summary_gm_mad": 69.58161079942478,
  "summary_gm_mean": 756.7965360722909,
  "summary_gm_median": 755.5034964159131,
  "summary_gm_n": 8191.0,
  "summary_gm_p05": 643.1615784894675,
  "summary_gm_p95": 876.8149691820145,
  "summary_gm_stdv": 70.4962946338051,
  "summary_wm_k": 0.2272161290134247,
  "summary_wm_mad": 43.332260617605854,
  "summary_wm_mean": 1000.1153128702324,
  "summary_wm_median": 999.9999782070518,
  "summary_wm_n": 161721.0,
  "summary_wm_p05": 927.4004481732845,
  "summary_wm_p95": 1072.9273770861328,
  "summary_wm_stdv": 44.3677091066211,
  "tpm_overlap_csf": 0.178818479180336,
  "tpm_overlap_gm": 0.437057763338089,
  "tpm_overlap_wm": 0.5231544971466064,
  "wm2max": 0.6098310506633403
}