{
  "bids_meta": {
    "EchoTime": 0.0033900000000000002,
    "FlipAngle": 9,
    "MRAcquisitionType": "3D",
    "MagneticFieldStrength": 3,
    "Manufacturer": "SIEMENS",
    "ManufacturerModelName": "TrioTim",
    "RepetitionTime": 2,
    "ScanOptions": "IR",
    "ScanningSequence": "GR\\IR",
    "SequenceName": "tfl3d1_ns",
    "SequenceVariant": "SP\\MP",
    "SliceTiming": [
      0.0025000000000000022,
      0.5,
      -0.030000000000000027,
      0.46625,
      -0.06374999999999997,
      0.43374999999499997,
      -0.09624999999999995,
      0.40000000001,
      -0.12999999999,
      0.36750000001,
      -0.16249999998999998,
      0.333750000005,
      -0.19624999999500004,
      0.301250000005,
      -0.228749999995,
      0.26749999999999996,
      -0.26249999999500007,
      0.235,
      -0.29500000000000004,
      0.20124999999999998,
      -0.32875,
      0.168749999995,
      -0.36124999999999996,
      0.13500000001,
      -0.3950000000049999,
      0.10250000000999998,
      -0.42749999999,
      0.06875000000499998,
      -0.46124999999500005,
      0.036250000005000005
    ],
    "TaskName": "MPRAGE",
    "dataset": "ds000212",
    "modality": "T1w",
    "subject_id": "46"
  },
  "cjv": 0.6643852059292417,
  "cnr": 2.0313718204438374,
  "efc": 0.6146107013932408,
  "fber": 952.7756086230789,
  "fwhm_avg": 3.7711006421678737,
  "fwhm_x": 3.209811926503621,
  "fwhm_y": 4.53358,
  "fwhm_z": 3.56991,
  "icvs_csf": 0.20103886048338795,
  "icvs_gm": 0.4196391470541208,
  "icvs_wm": 0.3793219924624912,
  "inu_med": 1.6142125129699707,
  "inu_range": 0.755821943283081,
  "provenance": {
    "md5sum": "103c5a1db3367e4306a8b4d7fa77a368",
    "settings": {
      "testing": false
    },
    "software": "mriqc",
    "version": "21.0.0rc2",
    "warnings": {
      "large_rot_frame": true,
      "small_air_mask": false
    },
    "webapi_port": null,
    "webapi_url": "https://mriqc.nimh.nih.gov/api/v1"
  },
  "qi_1": 0.0,
  "qi_2": 0.0069126937382664065,
  "rpve_csf": 26.241415010494865,
  "rpve_gm": 13.024085050185723,
  "rpve_wm": 17.07314537199201,
  "size_x": 128,
  "size_y": 256,
  "size_z": 256,
  "snr_csf": 2.9580886985140653,
  "snr_gm": 9.677756578726711,
  "snr_total": 10.07049011607834,
  "snr_wm": 17.575625070994242,
  "snrd_csf": 32.00432501437395,
  "snrd_gm": 70.6755027194097,
  "snrd_total": 63.83561502755311,
  "snrd_wm": 88.82701734887569,
  "spacing_x": 1.3300000429153442,
  "spacing_y": 1.0,
  "spacing_z": 1.0,
  "summary_bg_k": 2.6996117330904204,
  "summary_bg_mad": 7.375774154143163,
  "summary_bg_mean": 22.61807804713225,
  "summary_bg_median": 19.561437349766493,
  "summary_bg_n": 2588005.0,
  "summary_bg_p05": 9.756568752229214,
  "summary_bg_p95": 43.61476031318307,
  "summary_bg_stdv": 11.12415126920539,
  "summary_csf_k": 0.4810855728972525,
  "summary_csf_mad": 105.7671691812568,
  "summary_csf_mean": 387.82212333211766,
  "summary_csf_median": 360.316845998168,
  "summary_csf_n": 10346.0,
  "summary_csf_p05": 237.44203953444958,
  "summary_csf_p95": 636.8696852708235,
  "summary_csf_stdv": 121.80142955742015,
  "summary_gm_k": 0.023171161098723747,
  "summary_gm_mad": 79.20006033477998,
  "summary_gm_mean": 801.0222851775878,
  "summary_gm_median": 795.6916516050696,
  "summary_gm_n": 8680.0,
  "summary_gm_p05": 673.4930429756641,
  "summary_gm_p95": 947.7951094569637,
  "summary_gm_stdv": 82.21386940660082,
  "summary_wm_k": 0.14032524668286017,
  "summary_wm_mad": 56.57147166769999,
  "summary_wm_mean": 1003.32202786315,
  "summary_wm_median": 1000.0482971034944,
  "summary_wm_n": 142266.0,
  "summary_wm_p05": 915.3786682784557,
  "summary_wm_p95": 1101.574571941048,
  "summary_wm_stdv": 56.89952865658304,
  "tpm_overlap_csf": 0.1962718516588211,
  "tpm_overlap_gm": 0.46797528862953186,
  "tpm_overlap_wm": 0.5207928419113159,
  "wm2max": 0.6009810751190061
}