{
  "bids_meta": {
    "EchoTime": 0.0033900000000000002,
    "FlipAngle": 9,
    "MRAcquisitionType": "3D",
    "MagneticFieldStrength": 3,
    "Manufacturer": "SIEMENS",
    "ManufacturerModelName": "TrioTim",
    "RepetitionTime": 2,
    "ScanOptions": "IR",
    "ScanningSequence": "GR\\IR",
    "SequenceName": "tfl3d1_ns",
    "SequenceVariant": "SP\\MP",
    "SliceTiming": [
      0.0037500000050000315,
      0.5,
      -0.030000000000000027,
      0.4675,
      -0.0625,
      0.43375000000499997,
      -0.09624999999999995,
      0.401250000005,
      -0.12874999999500003,
      0.3675,
      -0.16249999999999998,
      0.33499999999999996,
      -0.19499999999999995,
      0.301250000005,
      -0.22875,
      0.26875000000500004,
      -0.2612499999950001,
      0.235,
      -0.29500000000000004,
      0.2025,
      -0.3275,
      0.168749999995,
      -0.36124999999999996,
      0.13625000000499998,
      -0.39375000000499993,
      0.10249999999999998,
      -0.4275,
      0.07,
      -0.45999999999999996,
      0.036249999995000004
    ],
    "TaskName": "MPRAGE",
    "dataset": "ds000212",
    "modality": "T1w",
    "subject_id": "41"
  },
  "cjv": 0.574558245344491,
  "cnr": 2.2584818079330637,
  "efc": 0.6367621851354033,
  "fber": 633.2616420260346,
  "fwhm_avg": 3.786539789403203,
  "fwhm_x": 3.268789368209608,
  "fwhm_y": 4.51074,
  "fwhm_z": 3.58009,
  "icvs_csf": 0.18834929234310807,
  "icvs_gm": 0.41430905513282545,
  "icvs_wm": 0.3973416525240665,
  "inu_med": 1.6673842668533325,
  "inu_range": 0.7401219546794893,
  "provenance": {
    "md5sum": "abb7fb3f58eaa78b2629bd4cf2febfb6",
    "settings": {
      "testing": false
    },
    "software": "mriqc",
    "version": "21.0.0rc2",
    "warnings": {
      "large_rot_frame": true,
      "small_air_mask": false
    },
    "webapi_port": null,
    "webapi_url": "https://mriqc.nimh.nih.gov/api/v1"
  },
  "qi_1": 0.0,
  "qi_2": 0.010638697299665401,
  "rpve_csf": 24.038258697261288,
  "rpve_gm": 11.638730538685515,
  "rpve_wm": 14.906883523114077,
  "size_x": 128,
  "size_y": 256,
  "size_z": 256,
  "snr_csf": 2.842344440498779,
  "snr_gm": 9.040754660608304,
  "snr_total": 9.972630001240992,
  "snr_wm": 18.034790902615892,
  "snrd_csf": 22.60367804626474,
  "snrd_gm": 41.818178662152306,
  "snrd_total": 39.60242198901738,
  "snrd_wm": 54.38540925863511,
  "spacing_x": 1.3300000429153442,
  "spacing_y": 1.0,
  "spacing_z": 1.0,
  "summary_bg_k": 2.371759953827529,
  "summary_bg_mad": 12.04664758479695,
  "summary_bg_mean": 27.4368604988283,
  "summary_bg_median": 26.2421278283,
  "summary_bg_n": 2445683.0,
  "summary_bg_p05": 10.574605584144592,
  "summary_bg_p95": 51.901097260415554,
  "summary_bg_stdv": 12.687976522692027,
  "summary_csf_k": -0.5966757420585522,
  "summary_csf_mad": 166.0592903913876,
  "summary_csf_mean": 436.2864768168127,
  "summary_csf_median": 415.6364275738597,
  "summary_csf_n": 6820.0,
  "summary_csf_p05": 231.04152498431503,
  "summary_csf_p95": 686.5873693317172,
  "summary_csf_stdv": 146.21941966505224,
  "summary_gm_k": 0.47705726629379486,
  "summary_gm_mad": 78.36084876330838,
  "summary_gm_mean": 778.3022633071814,
  "summary_gm_median": 768.9526612088084,
  "summary_gm_n": 10588.0,
  "summary_gm_p05": 653.1393475878983,
  "summary_gm_p95": 933.5977150648832,
  "summary_gm_stdv": 85.05001814076941,
  "summary_wm_k": 0.28641596727609686,
  "summary_wm_mad": 54.41165224903503,
  "summary_wm_mean": 1003.6813608336142,
  "summary_wm_median": 1000.0388950034976,
  "summary_wm_n": 175244.0,
  "summary_wm_p05": 918.9798779338598,
  "summary_wm_p95": 1100.5365252792835,
  "summary_wm_stdv": 55.45038182719772,
  "tpm_overlap_csf": 0.16882461309432983,
  "tpm_overlap_gm": 0.45367422699928284,
  "tpm_overlap_wm": 0.4978903830051422,
  "wm2max": 0.6341024503278607
}