{
  "bids_meta": {
    "EchoTime": 0.0033900000000000002,
    "FlipAngle": 9,
    "MRAcquisitionType": "3D",
    "MagneticFieldStrength": 3,
    "Manufacturer": "SIEMENS",
    "ManufacturerModelName": "TrioTim",
    "RepetitionTime": 2,
    "ScanOptions": "IR",
    "ScanningSequence": "GR\\IR",
    "SequenceName": "tfl3d1_ns",
    "SequenceVariant": "SP\\MP",
    "SliceTiming": [
      0.0037500000050000315,
      0.5,
      -0.030000000000000027,
      0.4675,
      -0.0625,
      0.43375000000999997,
      -0.09624999998999995,
      0.40125000001,
      -0.12874999999000003,
      0.36750000001,
      -0.16249999998999998,
      0.33500000000499996,
      -0.19499999998999995,
      0.301250000005,
      -0.228749999995,
      0.26875000000500004,
      -0.2612499999950001,
      0.235,
      -0.29500000000000004,
      0.2025,
      -0.3275,
      0.16875000001,
      -0.36124999998500007,
      0.13625000000999998,
      -0.39374999999000004,
      0.10250000000999998,
      -0.42749999999,
      0.07000000000500001,
      -0.45999999998999996,
      0.036250000005000005
    ],
    "TaskName": "MPRAGE",
    "dataset": "ds000212",
    "modality": "T1w",
    "subject_id": "19"
  },
  "cjv": 0.4457731495891362,
  "cnr": 2.977214132857651,
  "efc": 0.6464994786920067,
  "fber": 760.2425501775177,
  "fwhm_avg": 3.9145192392042474,
  "fwhm_x": 3.159127717612742,
  "fwhm_y": 4.83838,
  "fwhm_z": 3.74605,
  "icvs_csf": 0.20254033824851594,
  "icvs_gm": 0.3853339729026805,
  "icvs_wm": 0.4121256888488035,
  "inu_med": 1.5154500007629395,
  "inu_range": 0.58754563331604,
  "provenance": {
    "md5sum": "9b0c7834e46838ea8579d83e4b1d2906",
    "settings": {
      "testing": false
    },
    "software": "mriqc",
    "version": "21.0.0rc2",
    "warnings": {
      "large_rot_frame": true,
      "small_air_mask": false
    },
    "webapi_port": null,
    "webapi_url": "https://mriqc.nimh.nih.gov/api/v1"
  },
  "qi_1": 2.4235248091041442e-06,
  "qi_2": 0.0066257181677431744,
  "rpve_csf": 20.051203976258265,
  "rpve_gm": 10.40638166846229,
  "rpve_wm": 11.893432549345404,
  "size_x": 128,
  "size_y": 256,
  "size_z": 256,
  "snr_csf": 3.688845520837249,
  "snr_gm": 10.762557779575602,
  "snr_total": 11.180953975117996,
  "snr_wm": 19.091458624941136,
  "snrd_csf": 26.07108352712473,
  "snrd_gm": 64.34393731072761,
  "snrd_total": 59.13488128000802,
  "snrd_wm": 86.98962300217171,
  "spacing_x": 1.3300000429153442,
  "spacing_y": 1.0,
  "spacing_z": 1.0,
  "summary_bg_k": 4.487832203367586,
  "summary_bg_mad": 7.531480736369692,
  "summary_bg_mean": 23.543784250734554,
  "summary_bg_median": 19.83759131282568,
  "summary_bg_n": 2675374.0,
  "summary_bg_p05": 9.900255851447582,
  "summary_bg_p95": 49.315881207585335,
  "summary_bg_stdv": 13.386853549203597,
  "summary_csf_k": 3.318841250654839,
  "summary_csf_mad": 56.128772495134704,
  "summary_csf_mean": 313.12368296785405,
  "summary_csf_median": 299.7144870683551,
  "summary_csf_n": 33370.0,
  "summary_csf_p05": 209.2773184478283,
  "summary_csf_p95": 480.01594433598217,
  "summary_csf_stdv": 81.24764091211806,
  "summary_gm_k": 0.14169301302406456,
  "summary_gm_mad": 67.5084550676057,
  "summary_gm_mean": 743.5604518200055,
  "summary_gm_median": 739.7011385038495,
  "summary_gm_n": 10413.0,
  "summary_gm_p05": 637.049946372211,
  "summary_gm_p95": 863.005673366785,
  "summary_gm_stdv": 68.72582100304416,
  "summary_wm_k": 0.8860184395769135,
  "summary_wm_mad": 48.54231744682071,
  "summary_wm_mean": 1003.2883870163787,
  "summary_wm_median": 1000.0370798259974,
  "summary_wm_n": 216760.0,
  "summary_wm_p05": 923.3935260996222,
  "summary_wm_p95": 1094.5530055388808,
  "summary_wm_stdv": 52.38126602504345,
  "tpm_overlap_csf": 0.13097897171974182,
  "tpm_overlap_gm": 0.3913649618625641,
  "tpm_overlap_wm": 0.41831740736961365,
  "wm2max": 0.629795962220913
}