{
  "bids_meta": {
    "EchoTime": 0.0033900000000000002,
    "FlipAngle": 9,
    "MRAcquisitionType": "3D",
    "MagneticFieldStrength": 3,
    "Manufacturer": "SIEMENS",
    "ManufacturerModelName": "TrioTim",
    "RepetitionTime": 2,
    "ScanOptions": "IR",
    "ScanningSequence": "GR\\IR",
    "SequenceName": "tfl3d1_ns",
    "SequenceVariant": "SP\\MP",
    "SliceTiming": [
      0.0025000000000000022,
      0.5,
      -0.030000000000000027,
      0.46625000001,
      -0.06374999998500008,
      0.43375000000999997,
      -0.09624999998999995,
      0.40000000001,
      -0.12999999999,
      0.36750000001,
      -0.16249999998999998,
      0.333750000005,
      -0.19624999999500004,
      0.301250000005,
      -0.228749999995,
      0.26749999999999996,
      -0.26249999999500007,
      0.235,
      -0.29500000000000004,
      0.20125000001499999,
      -0.32875,
      0.16875000001,
      -0.36124999998500007,
      0.13500000001,
      -0.39499999999,
      0.10250000000999998,
      -0.42749999999,
      0.06875000000499998,
      -0.46124999999500005,
      0.036250000005000005
    ],
    "TaskName": "MPRAGE",
    "dataset": "ds000212",
    "modality": "T1w",
    "subject_id": "13"
  },
  "cjv": 0.5253029840506416,
  "cnr": 2.469160737520821,
  "efc": 0.5750670305843387,
  "fber": 803.2749307479224,
  "fwhm_avg": 3.555622347944597,
  "fwhm_x": 3.068857043833792,
  "fwhm_y": 4.22669,
  "fwhm_z": 3.37132,
  "icvs_csf": 0.21227488569355535,
  "icvs_gm": 0.403407095801328,
  "icvs_wm": 0.38431801850511665,
  "inu_med": 1.5826747417449951,
  "inu_range": 0.58214590549469,
  "provenance": {
    "md5sum": "78856b085f80d790513153daf7bdd729",
    "settings": {
      "testing": false
    },
    "software": "mriqc",
    "version": "21.0.0rc2",
    "warnings": {
      "large_rot_frame": true,
      "small_air_mask": false
    },
    "webapi_port": null,
    "webapi_url": "https://mriqc.nimh.nih.gov/api/v1"
  },
  "qi_1": 4.486039285527749e-06,
  "qi_2": 0.011264543347896856,
  "rpve_csf": 24.392292359777812,
  "rpve_gm": 13.126867555778565,
  "rpve_wm": 17.038378488907064,
  "size_x": 128,
  "size_y": 256,
  "size_z": 256,
  "snr_csf": 3.231437408986035,
  "snr_gm": 9.55510161264159,
  "snr_total": 11.486957826167819,
  "snr_wm": 21.674334456875833,
  "snrd_csf": 30.85179799622782,
  "snrd_gm": 67.61949206458081,
  "snrd_total": 62.122622758671845,
  "snrd_wm": 87.89657821520692,
  "spacing_x": 1.3300000429153442,
  "spacing_y": 1.0,
  "spacing_z": 1.0,
  "summary_bg_k": 1.6810175531772007,
  "summary_bg_mad": 7.453814361568927,
  "summary_bg_mean": 21.518877572127668,
  "summary_bg_median": 19.893382038921118,
  "summary_bg_n": 2918965.0,
  "summary_bg_p05": 4.984180685132742,
  "summary_bg_p95": 40.220171093940735,
  "summary_bg_stdv": 10.909772049834102,
  "summary_csf_k": 0.740968620062199,
  "summary_csf_mad": 91.88753911244453,
  "summary_csf_mean": 374.12666207128615,
  "summary_csf_median": 351.0163423381746,
  "summary_csf_n": 11261.0,
  "summary_csf_p05": 236.07680166885257,
  "summary_csf_p95": 595.3712180145085,
  "summary_csf_stdv": 108.62062669971618,
  "summary_gm_k": 0.01611822959110487,
  "summary_gm_mad": 77.30119549109844,
  "summary_gm_mean": 776.8981432842404,
  "summary_gm_median": 769.3407942764461,
  "summary_gm_n": 7259.0,
  "summary_gm_p05": 652.8713268402964,
  "summary_gm_p95": 921.7483714874833,
  "summary_gm_stdv": 80.51068752959121,
  "summary_wm_k": 0.5176583516553057,
  "summary_wm_mad": 43.887544904754975,
  "summary_wm_mean": 1001.1176256620253,
  "summary_wm_median": 1000.0433489456773,
  "summary_wm_n": 162152.0,
  "summary_wm_p05": 927.2743109427392,
  "summary_wm_p95": 1077.839908335358,
  "summary_wm_stdv": 46.139375918112265,
  "tpm_overlap_csf": 0.18466812372207642,
  "tpm_overlap_gm": 0.44317492842674255,
  "tpm_overlap_wm": 0.5230770111083984,
  "wm2max": 0.648935426270538
}