{
  "bids_meta": {
    "EchoTime": 0.0033900000000000002,
    "FlipAngle": 9,
    "MRAcquisitionType": "3D",
    "MagneticFieldStrength": 3,
    "Manufacturer": "SIEMENS",
    "ManufacturerModelName": "TrioTim",
    "RepetitionTime": 2,
    "ScanOptions": "IR",
    "ScanningSequence": "GR\\IR",
    "SequenceName": "tfl3d1_ns",
    "SequenceVariant": "SP\\MP",
    "SliceTiming": [
      0.0037500000050000315,
      0.5,
      -0.030000000000000027,
      0.4675,
      -0.0625,
      0.43375000000999997,
      -0.09624999999999995,
      0.40125000001,
      -0.12874999999000003,
      0.36750000001,
      -0.16249999998999998,
      0.33500000000499996,
      -0.19499999998999995,
      0.301250000005,
      -0.228749999995,
      0.26875000000500004,
      -0.2612499999950001,
      0.235,
      -0.29500000000000004,
      0.2025,
      -0.3275,
      0.168749999995,
      -0.36124999999999996,
      0.13625000000999998,
      -0.39375000000499993,
      0.10250000000999998,
      -0.42749999999,
      0.07000000000500001,
      -0.45999999998999996,
      0.036250000005000005
    ],
    "TaskName": "MPRAGE",
    "dataset": "ds000212",
    "modality": "T1w",
    "subject_id": "14"
  },
  "cjv": 0.41019643885095347,
  "cnr": 3.1719424312071967,
  "efc": 0.6196175797002852,
  "fber": 598.1540944929155,
  "fwhm_avg": 3.6570555805338345,
  "fwhm_x": 3.114736741601504,
  "fwhm_y": 4.36227,
  "fwhm_z": 3.49416,
  "icvs_csf": 0.20347436545649744,
  "icvs_gm": 0.435906236595409,
  "icvs_wm": 0.3606193979480936,
  "inu_med": 1.5778400897979736,
  "inu_range": 0.5932064533233641,
  "provenance": {
    "md5sum": "a328433709cde08357d03a31410b7877",
    "settings": {
      "testing": false
    },
    "software": "mriqc",
    "version": "21.0.0rc2",
    "warnings": {
      "large_rot_frame": true,
      "small_air_mask": false
    },
    "webapi_port": null,
    "webapi_url": "https://mriqc.nimh.nih.gov/api/v1"
  },
  "qi_1": 0.0,
  "qi_2": 0.009782807343438735,
  "rpve_csf": 24.10787929710701,
  "rpve_gm": 11.97227137873511,
  "rpve_wm": 17.003604026708594,
  "size_x": 128,
  "size_y": 256,
  "size_z": 256,
  "snr_csf": 2.6378535727281816,
  "snr_gm": 10.392428553279114,
  "snr_total": 11.27255389902752,
  "snr_wm": 20.78737957107526,
  "snrd_csf": 27.18631147461272,
  "snrd_gm": 56.66971196056075,
  "snrd_total": 53.898008120420286,
  "snrd_wm": 77.83800092608737,
  "spacing_x": 1.3300000429153442,
  "spacing_y": 1.0,
  "spacing_z": 1.0,
  "summary_bg_k": 1.8116389333098244,
  "summary_bg_mad": 8.416664872672177,
  "summary_bg_mean": 24.58962785242094,
  "summary_bg_median": 22.437485598027706,
  "summary_bg_n": 2799526.0,
  "summary_bg_p05": 11.173687607049942,
  "summary_bg_p95": 45.10024715587497,
  "summary_bg_stdv": 11.373096154400768,
  "summary_csf_k": 0.17918970163370007,
  "summary_csf_mad": 122.47583368289236,
  "summary_csf_mean": 380.6513708179652,
  "summary_csf_median": 349.2678481042385,
  "summary_csf_n": 14678.0,
  "summary_csf_p05": 212.60869259890168,
  "summary_csf_p95": 632.3045640215278,
  "summary_csf_stdv": 132.40156839925106,
  "summary_gm_k": 0.5020850853387411,
  "summary_gm_mad": 65.79694364747695,
  "summary_gm_mean": 734.024381426448,
  "summary_gm_median": 728.0468469448388,
  "summary_gm_n": 10821.0,
  "summary_gm_p05": 629.1957557760179,
  "summary_gm_p95": 859.9233938232064,
  "summary_gm_stdv": 70.05226949357791,
  "summary_wm_k": 0.6243395517579722,
  "summary_wm_mad": 45.757265379209855,
  "summary_wm_mean": 1000.9146610790435,
  "summary_wm_median": 999.9999856390059,
  "summary_wm_n": 147174.0,
  "summary_wm_p05": 923.5863800682127,
  "summary_wm_p95": 1080.2883377186954,
  "summary_wm_stdv": 48.10594740308354,
  "tpm_overlap_csf": 0.18449345231056213,
  "tpm_overlap_gm": 0.4721548855304718,
  "tpm_overlap_wm": 0.5064871311187744,
  "wm2max": 0.6318321566841266
}