{
  "bids_meta": {
    "EchoTime": 0.0033900000000000002,
    "FlipAngle": 9,
    "MRAcquisitionType": "3D",
    "MagneticFieldStrength": 3,
    "Manufacturer": "SIEMENS",
    "ManufacturerModelName": "TrioTim",
    "RepetitionTime": 2,
    "ScanOptions": "IR",
    "ScanningSequence": "GR\\IR",
    "SequenceName": "tfl3d1_ns",
    "SequenceVariant": "SP\\MP",
    "SliceTiming": [
      0.0025000000000000022,
      0.5,
      -0.030000000000000027,
      0.46625,
      -0.06374999999999997,
      0.43374999999499997,
      -0.09624999999999995,
      0.399999999995,
      -0.1300000000049999,
      0.367499999995,
      -0.16250000000499998,
      0.333750000005,
      -0.19624999999500004,
      0.301250000005,
      -0.228749999995,
      0.26749999999999996,
      -0.26249999999500007,
      0.235,
      -0.29500000000000004,
      0.20124999999999998,
      -0.32875,
      0.168749999995,
      -0.36124999999999996,
      0.134999999995,
      -0.3950000000049999,
      0.10249999999499998,
      -0.427500000005,
      0.06875000000499998,
      -0.46125000001000005,
      0.036250000005000005
    ],
    "TaskName": "MPRAGE",
    "dataset": "ds000212",
    "modality": "T1w",
    "subject_id": "15"
  },
  "cjv": 0.4082316673723042,
  "cnr": 3.2666403531101307,
  "efc": 0.5984594555957065,
  "fber": 806.8538198573127,
  "fwhm_avg": 3.793209238956866,
  "fwhm_x": 3.182127716870597,
  "fwhm_y": 4.53135,
  "fwhm_z": 3.66615,
  "icvs_csf": 0.19689664701371026,
  "icvs_gm": 0.410628969676467,
  "icvs_wm": 0.39247438330982276,
  "inu_med": 1.7209116220474243,
  "inu_range": 0.643008828163147,
  "provenance": {
    "md5sum": "717a5dd565841c4795e73e27cc8d4392",
    "settings": {
      "testing": false
    },
    "software": "mriqc",
    "version": "21.0.0rc2",
    "warnings": {
      "large_rot_frame": true,
      "small_air_mask": false
    },
    "webapi_port": null,
    "webapi_url": "https://mriqc.nimh.nih.gov/api/v1"
  },
  "qi_1": 0.0,
  "qi_2": 0.014116337821412283,
  "rpve_csf": 24.545090478915785,
  "rpve_gm": 12.33665819387598,
  "rpve_wm": 15.659637500094078,
  "size_x": 128,
  "size_y": 256,
  "size_z": 256,
  "snr_csf": 2.7572532485116295,
  "snr_gm": 11.598943465421701,
  "snr_total": 12.70075620624443,
  "snr_wm": 23.746071904799958,
  "snrd_csf": 27.997692411502086,
  "snrd_gm": 63.56041787358681,
  "snrd_total": 58.900027575291745,
  "snrd_wm": 85.14197244078633,
  "spacing_x": 1.3300000429153442,
  "spacing_y": 1.0,
  "spacing_z": 1.0,
  "summary_bg_k": 2.0952791692844936,
  "summary_bg_mad": 7.694953962704044,
  "summary_bg_mean": 21.730404563393826,
  "summary_bg_median": 20.594584941864014,
  "summary_bg_n": 2878070.0,
  "summary_bg_p05": 10.297292470932007,
  "summary_bg_p95": 41.02308452129364,
  "summary_bg_stdv": 10.279857111377723,
  "summary_csf_k": 1.489310477121344,
  "summary_csf_mad": 104.80527297202909,
  "summary_csf_mean": 357.57986158443674,
  "summary_csf_median": 328.84901762008667,
  "summary_csf_n": 10058.0,
  "summary_csf_p05": 211.9062378630042,
  "summary_csf_p95": 589.0279660746455,
  "summary_csf_stdv": 119.26096007199791,
  "summary_gm_k": -0.029109459735860987,
  "summary_gm_mad": 63.83733807459276,
  "summary_gm_mean": 749.7714745608278,
  "summary_gm_median": 746.5537041425705,
  "summary_gm_n": 11043.0,
  "summary_gm_p05": 650.2657152712345,
  "summary_gm_p95": 861.3602109253407,
  "summary_gm_stdv": 64.36102593991316,
  "summary_wm_k": 0.5540983874817136,
  "summary_wm_mad": 39.64440281585124,
  "summary_wm_mean": 1000.0801111504629,
  "summary_wm_median": 1000.041488558054,
  "summary_wm_n": 166286.0,
  "summary_wm_p05": 930.7838924229145,
  "summary_wm_p95": 1068.8008286058903,
  "summary_wm_stdv": 42.113848790247786,
  "tpm_overlap_csf": 0.18330371379852295,
  "tpm_overlap_gm": 0.4513981342315674,
  "tpm_overlap_wm": 0.5232390761375427,
  "wm2max": 0.6414508011163788
}