{
  "bids_meta": {
    "EchoTime": 0.0033900000000000002,
    "FlipAngle": 9,
    "MRAcquisitionType": "3D",
    "MagneticFieldStrength": 3,
    "Manufacturer": "SIEMENS",
    "ManufacturerModelName": "TrioTim",
    "RepetitionTime": 2,
    "ScanOptions": "IR",
    "ScanningSequence": "GR\\IR",
    "SequenceName": "tfl3d1_ns",
    "SequenceVariant": "SP\\MP",
    "SliceTiming": [
      0.0025000000000000022,
      0.5,
      -0.030000000000000027,
      0.46625,
      -0.06374999999999997,
      0.43374999999499997,
      -0.09624999999999995,
      0.399999999995,
      -0.1300000000049999,
      0.36750000001,
      -0.16250000000499998,
      0.333750000005,
      -0.19624999999500004,
      0.301250000005,
      -0.228749999995,
      0.26749999999999996,
      -0.26249999999500007,
      0.235,
      -0.29500000000000004,
      0.20124999999999998,
      -0.32875,
      0.168749999995,
      -0.36124999999999996,
      0.134999999995,
      -0.3950000000049999,
      0.10249999999499998,
      -0.427500000005,
      0.06875000000499998,
      -0.46124999999500005,
      0.036250000005000005
    ],
    "TaskName": "MPRAGE",
    "dataset": "ds000212",
    "modality": "T1w",
    "subject_id": "39"
  },
  "cjv": 0.4639807680826703,
  "cnr": 2.848980388943145,
  "efc": 0.621376989115918,
  "fber": 772.84,
  "fwhm_avg": 3.442660695874196,
  "fwhm_x": 2.8768720876225893,
  "fwhm_y": 4.08792,
  "fwhm_z": 3.36319,
  "icvs_csf": 0.21050995883234658,
  "icvs_gm": 0.39660925112159745,
  "icvs_wm": 0.39288079004605597,
  "inu_med": 1.5513206720352173,
  "inu_range": 0.5113662004470823,
  "provenance": {
    "md5sum": "e19220594cd3d25e051265073ee04ad9",
    "settings": {
      "testing": false
    },
    "software": "mriqc",
    "version": "21.0.0rc2",
    "warnings": {
      "large_rot_frame": true,
      "small_air_mask": false
    },
    "webapi_port": null,
    "webapi_url": "https://mriqc.nimh.nih.gov/api/v1"
  },
  "qi_1": 2.6009164886587037e-06,
  "qi_2": 0.00938817867525882,
  "rpve_csf": 23.693946992423424,
  "rpve_gm": 12.516504872015862,
  "rpve_wm": 15.394560722845222,
  "size_x": 128,
  "size_y": 256,
  "size_z": 256,
  "snr_csf": 3.160676245311398,
  "snr_gm": 10.428858153666857,
  "snr_total": 11.895509920906017,
  "snr_wm": 22.096995363739797,
  "snrd_csf": 24.745435212186187,
  "snrd_gm": 58.07934384320982,
  "snrd_total": 53.270684709155375,
  "snrd_wm": 76.98727507207013,
  "spacing_x": 1.3300000429153442,
  "spacing_y": 1.0,
  "spacing_z": 1.0,
  "summary_bg_k": 2.8180065812157835,
  "summary_bg_mad": 8.51003818821962,
  "summary_bg_mean": 23.049439573537718,
  "summary_bg_median": 22.096586227416992,
  "summary_bg_n": 2490094.0,
  "summary_bg_p05": 5.567303951829672,
  "summary_bg_p95": 45.099477749317884,
  "summary_bg_stdv": 12.301393834711037,
  "summary_csf_k": 1.052102804694484,
  "summary_csf_mad": 80.68539966424767,
  "summary_csf_mean": 344.9161983284718,
  "summary_csf_median": 321.43627777695656,
  "summary_csf_n": 19215.0,
  "summary_csf_p05": 220.37892170250416,
  "summary_csf_p95": 557.3604931496083,
  "summary_csf_stdv": 101.69593103471888,
  "summary_gm_k": 0.15602121170573957,
  "summary_gm_mad": 70.76768598624736,
  "summary_gm_mean": 755.0923264669551,
  "summary_gm_median": 754.4344215653837,
  "summary_gm_n": 7695.0,
  "summary_gm_p05": 638.0000856611878,
  "summary_gm_p95": 878.8571912795305,
  "summary_gm_stdv": 72.33633709241522,
  "summary_wm_k": 0.5441494892079661,
  "summary_wm_mad": 43.19004343645296,
  "summary_wm_mean": 1001.4047330261494,
  "summary_wm_median": 1000.0431563705206,
  "summary_wm_n": 164668.0,
  "summary_wm_p05": 929.6534451656044,
  "summary_wm_p95": 1077.9422543011606,
  "summary_wm_stdv": 45.25683711113192,
  "tpm_overlap_csf": 0.17227806150913239,
  "tpm_overlap_gm": 0.4121169149875641,
  "tpm_overlap_wm": 0.4838535785675049,
  "wm2max": 0.6184032367799639
}