{
  "bids_meta": {
    "EchoTime": 0.0033900000000000002,
    "FlipAngle": 9,
    "MRAcquisitionType": "3D",
    "MagneticFieldStrength": 3,
    "Manufacturer": "SIEMENS",
    "ManufacturerModelName": "TrioTim",
    "RepetitionTime": 2,
    "ScanOptions": "IR",
    "ScanningSequence": "GR\\IR",
    "SequenceName": "tfl3d1_ns",
    "SequenceVariant": "SP\\MP",
    "SliceTiming": [
      0.0025000000000000022,
      0.5,
      -0.030000000000000027,
      0.46625,
      -0.06374999999999997,
      0.43374999999499997,
      -0.09624999999999995,
      0.399999999995,
      -0.1300000000049999,
      0.367499999995,
      -0.16250000000499998,
      0.33374999999,
      -0.19625000001000004,
      0.301250000005,
      -0.22875000001,
      0.26749999999999996,
      -0.26249999999500007,
      0.235,
      -0.29500000000000004,
      0.20124999999999998,
      -0.32875,
      0.168749999995,
      -0.36124999999999996,
      0.134999999995,
      -0.3950000000049999,
      0.10249999999499998,
      -0.427500000005,
      0.06874999998999998,
      -0.46125000001000005,
      0.036249999990000004
    ],
    "TaskName": "MPRAGE",
    "dataset": "ds000212",
    "modality": "T1w",
    "subject_id": "17"
  },
  "cjv": 0.5738598194639923,
  "cnr": 2.336812437387735,
  "efc": 0.6077008053633165,
  "fber": 692.1966112482854,
  "fwhm_avg": 3.6147776359785815,
  "fwhm_x": 3.0862029079357445,
  "fwhm_y": 4.30039,
  "fwhm_z": 3.45774,
  "icvs_csf": 0.20092188350746062,
  "icvs_gm": 0.40896300869155594,
  "icvs_wm": 0.3901151078009834,
  "inu_med": 1.7493821382522583,
  "inu_range": 0.6613162994384767,
  "provenance": {
    "md5sum": "6b62aa6d7579ea537d715eb3821a2090",
    "settings": {
      "testing": false
    },
    "software": "mriqc",
    "version": "21.0.0rc2",
    "warnings": {
      "large_rot_frame": true,
      "small_air_mask": false
    },
    "webapi_port": null,
    "webapi_url": "https://mriqc.nimh.nih.gov/api/v1"
  },
  "qi_1": 0.0,
  "qi_2": 0.008921395394357183,
  "rpve_csf": 24.768920905703503,
  "rpve_gm": 12.601855907024582,
  "rpve_wm": 16.010008117289058,
  "size_x": 128,
  "size_y": 256,
  "size_z": 256,
  "snr_csf": 2.932015133905922,
  "snr_gm": 9.547458782885508,
  "snr_total": 10.963883917760493,
  "snr_wm": 20.412177836490052,
  "snrd_csf": 16.03150695532348,
  "snrd_gm": 34.655982014666755,
  "snrd_total": 31.781387290851125,
  "snrd_wm": 44.656672902563145,
  "spacing_x": 1.3300000429153442,
  "spacing_y": 1.0,
  "spacing_z": 1.0,
  "summary_bg_k": 5.126201669141002,
  "summary_bg_mad": 14.671095473413558,
  "summary_bg_mean": 26.5703864608206,
  "summary_bg_median": 26.044965267181396,
  "summary_bg_n": 2838055.0,
  "summary_bg_p05": 10.568397760391235,
  "summary_bg_p95": 51.931602478027344,
  "summary_bg_stdv": 13.341068004321317,
  "summary_csf_k": -0.19967381895297942,
  "summary_csf_mad": 114.19980716505114,
  "summary_csf_mean": 385.6571528795115,
  "summary_csf_median": 359.0088677406311,
  "summary_csf_n": 9027.0,
  "summary_csf_p05": 227.39867091178894,
  "summary_csf_p95": 623.1554805278777,
  "summary_csf_stdv": 122.4376292459306,
  "summary_gm_k": -0.24768244433761977,
  "summary_gm_mad": 82.74497847005247,
  "summary_gm_mean": 782.0330986248231,
  "summary_gm_median": 776.0845501422882,
  "summary_gm_n": 7296.0,
  "summary_gm_p05": 656.1906294822693,
  "summary_gm_p95": 925.2493702173233,
  "summary_gm_stdv": 81.28145722838713,
  "summary_wm_k": 0.7038163510927289,
  "summary_wm_mad": 45.773817877050305,
  "summary_wm_mean": 1001.3324653332669,
  "summary_wm_median": 1000.0395858287811,
  "summary_wm_n": 157984.0,
  "summary_wm_p05": 923.6858806610107,
  "summary_wm_p95": 1083.4784715175629,
  "summary_wm_stdv": 48.99214717957759,
  "tpm_overlap_csf": 0.1826849728822708,
  "tpm_overlap_gm": 0.44620653986930847,
  "tpm_overlap_wm": 0.5144474506378174,
  "wm2max": 0.6596658017903521
}