{
  "bids_meta": {
    "EchoTime": 0.0033900000000000002,
    "FlipAngle": 9,
    "MRAcquisitionType": "3D",
    "MagneticFieldStrength": 3,
    "Manufacturer": "SIEMENS",
    "ManufacturerModelName": "TrioTim",
    "RepetitionTime": 2,
    "ScanOptions": "IR",
    "ScanningSequence": "GR\\IR",
    "SequenceName": "tfl3d1_ns",
    "SequenceVariant": "SP\\MP",
    "SliceTiming": [
      0.0037500000050000315,
      0.5,
      -0.030000000000000027,
      0.4675,
      -0.0625,
      0.43374999999499997,
      -0.09624999999999995,
      0.401249999995,
      -0.12875000000499992,
      0.367499999995,
      -0.16250000000499998,
      0.33499999998999996,
      -0.19500000000499995,
      0.301250000005,
      -0.22875000001,
      0.26875000000500004,
      -0.2612499999950001,
      0.235,
      -0.29500000000000004,
      0.2025,
      -0.3275,
      0.168749999995,
      -0.36124999999999996,
      0.13624999999499998,
      -0.39375000000499993,
      0.10249999999499998,
      -0.427500000005,
      0.06999999999,
      -0.46000000000499996,
      0.036250000005000005
    ],
    "TaskName": "MPRAGE",
    "dataset": "ds000212",
    "modality": "T1w",
    "subject_id": "30"
  },
  "cjv": 0.6264175768237372,
  "cnr": 2.1624719283341913,
  "efc": 0.6018827666029217,
  "fber": 724.3303366606734,
  "fwhm_avg": 3.566762173003029,
  "fwhm_x": 3.022646519009086,
  "fwhm_y": 4.25645,
  "fwhm_z": 3.42119,
  "icvs_csf": 0.2163287863005693,
  "icvs_gm": 0.41133258490563607,
  "icvs_wm": 0.37233862879379465,
  "inu_med": 1.6573505401611328,
  "inu_range": 0.6356518149375918,
  "provenance": {
    "md5sum": "d077c47a9acb4ff3d4d2b862b99cedc5",
    "settings": {
      "testing": false
    },
    "software": "mriqc",
    "version": "21.0.0rc2",
    "warnings": {
      "large_rot_frame": true,
      "small_air_mask": false
    },
    "webapi_port": null,
    "webapi_url": "https://mriqc.nimh.nih.gov/api/v1"
  },
  "qi_1": 0.0,
  "qi_2": 0.010076536457555829,
  "rpve_csf": 19.080360977828207,
  "rpve_gm": 10.23415813958113,
  "rpve_wm": 13.627332140012,
  "size_x": 128,
  "size_y": 256,
  "size_z": 256,
  "snr_csf": 3.413969223818803,
  "snr_gm": 9.549185429670775,
  "snr_total": 10.705652870736467,
  "snr_wm": 19.153803958719827,
  "snrd_csf": 26.73040067846983,
  "snrd_gm": 63.743343313023836,
  "snrd_total": 57.138481779158944,
  "snrd_wm": 80.94170134598316,
  "spacing_x": 1.3300000429153442,
  "spacing_y": 1.0,
  "spacing_z": 1.0,
  "summary_bg_k": 1.5754922391430295,
  "summary_bg_mad": 8.093928686124062,
  "summary_bg_mean": 25.325822773081224,
  "summary_bg_median": 25.086654379963875,
  "summary_bg_n": 2708871.0,
  "summary_bg_p05": 10.138647884130478,
  "summary_bg_p95": 45.53726036846638,
  "summary_bg_stdv": 11.324606391794122,
  "summary_csf_k": 1.8499510896749962,
  "summary_csf_mad": 80.23267403943615,
  "summary_csf_mean": 348.18878084600016,
  "summary_csf_median": 330.2426246702671,
  "summary_csf_n": 20345.0,
  "summary_csf_p05": 224.0467872172594,
  "summary_csf_p95": 537.642965233326,
  "summary_csf_stdv": 96.73037067909445,
  "summary_gm_k": 0.09871555268538712,
  "summary_gm_mad": 82.15979991708473,
  "summary_gm_mean": 793.6618158205139,
  "summary_gm_median": 787.5216407775879,
  "summary_gm_n": 8049.0,
  "summary_gm_p05": 670.1212975859642,
  "summary_gm_p95": 939.4973729074001,
  "summary_gm_stdv": 82.46491018454157,
  "summary_wm_k": 0.2694940515944997,
  "summary_wm_mad": 50.94036069917763,
  "summary_wm_mean": 1002.735067781917,
  "summary_wm_median": 999.9999707937241,
  "summary_wm_n": 184076.0,
  "summary_wm_p05": 921.6204236894846,
  "summary_wm_p95": 1092.775098066777,
  "summary_wm_stdv": 52.20880701692134,
  "tpm_overlap_csf": 0.17608527839183807,
  "tpm_overlap_gm": 0.4377359449863434,
  "tpm_overlap_wm": 0.5077059268951416,
  "wm2max": 0.6982090997095838
}