{
  "bids_meta": {
    "EchoTime": 0.0033900000000000002,
    "FlipAngle": 9,
    "MRAcquisitionType": "3D",
    "MagneticFieldStrength": 3,
    "Manufacturer": "SIEMENS",
    "ManufacturerModelName": "TrioTim",
    "RepetitionTime": 2,
    "ScanOptions": "IR",
    "ScanningSequence": "GR\\IR",
    "SequenceName": "tfl3d1_ns",
    "SequenceVariant": "SP\\MP",
    "SliceTiming": [
      0.0037500000050000315,
      0.5,
      -0.028750000000000053,
      0.4675,
      -0.0625,
      0.43375000000999997,
      -0.09499999999999997,
      0.40125000001,
      -0.12874999999000003,
      0.36750000001,
      -0.16124999999,
      0.33500000000499996,
      -0.19499999998999995,
      0.301250000005,
      -0.22749999999500004,
      0.26875000000500004,
      -0.2612499999950001,
      0.235,
      -0.29374999999500007,
      0.2025,
      -0.3275,
      0.16875000001,
      -0.36,
      0.13625000000999998,
      -0.39374999999000004,
      0.10375000001000001,
      -0.42624999999,
      0.07000000000500001,
      -0.45999999998999996,
      0.03750000000499998
    ],
    "TaskName": "MPRAGE",
    "dataset": "ds000212",
    "modality": "T1w",
    "subject_id": "16"
  },
  "cjv": 0.48661016314089506,
  "cnr": 2.6796967840451207,
  "efc": 0.57299945113445,
  "fber": 1202.7954634354303,
  "fwhm_avg": 3.592856032430243,
  "fwhm_x": 3.0432780972907314,
  "fwhm_y": 4.33057,
  "fwhm_z": 3.40472,
  "icvs_csf": 0.20058688057337562,
  "icvs_gm": 0.40873216475813473,
  "icvs_wm": 0.3906809546684896,
  "inu_med": 1.7027733325958252,
  "inu_range": 0.6425121903419493,
  "provenance": {
    "md5sum": "341dc8df13d3ca1f764984921fff8d6d",
    "settings": {
      "testing": false
    },
    "software": "mriqc",
    "version": "21.0.0rc2",
    "warnings": {
      "large_rot_frame": true,
      "small_air_mask": false
    },
    "webapi_port": null,
    "webapi_url": "https://mriqc.nimh.nih.gov/api/v1"
  },
  "qi_1": 2.3769382658197977e-06,
  "qi_2": 0.010070751663264127,
  "rpve_csf": 25.936582683494457,
  "rpve_gm": 13.151295502496492,
  "rpve_wm": 16.73119339232185,
  "size_x": 128,
  "size_y": 256,
  "size_z": 256,
  "snr_csf": 2.9427513788366055,
  "snr_gm": 10.402816676847678,
  "snr_total": 11.353343926393094,
  "snr_wm": 20.714463723494998,
  "snrd_csf": 29.31399180168514,
  "snrd_gm": 64.36515578730543,
  "snrd_total": 59.338891423318955,
  "snrd_wm": 84.33752668096632,
  "spacing_x": 1.3300000429153442,
  "spacing_y": 1.0,
  "spacing_z": 1.0,
  "summary_bg_k": 3.340576840186059,
  "summary_bg_mad": 7.768029539210216,
  "summary_bg_mean": 19.128410798777526,
  "summary_bg_median": 15.545163743197918,
  "summary_bg_n": 2745615.0,
  "summary_bg_p05": 5.1961550116539,
  "summary_bg_p95": 36.3730850815773,
  "summary_bg_stdv": 9.902951144066334,
  "summary_csf_k": 0.29646317291354984,
  "summary_csf_mad": 115.94265576705497,
  "summary_csf_mean": 371.66915342939217,
  "summary_csf_median": 347.57946898788214,
  "summary_csf_n": 11707.0,
  "summary_csf_p05": 215.7703368589282,
  "summary_csf_p95": 587.949269697815,
  "summary_csf_stdv": 118.1087285281959,
  "summary_gm_k": 0.023680274373410803,
  "summary_gm_mad": 69.97646444412509,
  "summary_gm_mean": 764.5936428607946,
  "summary_gm_median": 763.1852673366666,
  "summary_gm_n": 6434.0,
  "summary_gm_p05": 643.2385240864008,
  "summary_gm_p95": 891.6385493539271,
  "summary_gm_stdv": 73.35762803157118,
  "summary_wm_k": 0.7068766059449691,
  "summary_wm_mad": 45.26000681936531,
  "summary_wm_mean": 1001.3125520463402,
  "summary_wm_median": 1000.0000319927931,
  "summary_wm_n": 153663.0,
  "summary_wm_p05": 924.352675281465,
  "summary_wm_p95": 1081.839473426342,
  "summary_wm_stdv": 48.27529167358702,
  "tpm_overlap_csf": 0.18403755128383636,
  "tpm_overlap_gm": 0.4491117298603058,
  "tpm_overlap_wm": 0.522826075553894,
  "wm2max": 0.5724598121449773
}