{
  "bids_meta": {
    "EchoTime": 0.0033900000000000002,
    "FlipAngle": 9,
    "MRAcquisitionType": "3D",
    "MagneticFieldStrength": 3,
    "Manufacturer": "SIEMENS",
    "ManufacturerModelName": "TrioTim",
    "RepetitionTime": 2,
    "ScanOptions": "IR",
    "ScanningSequence": "GR\\IR",
    "SequenceName": "tfl3d1_ns",
    "SequenceVariant": "SP\\MP",
    "SliceTiming": [
      0.0037500000050000315,
      0.5,
      -0.030000000000000027,
      0.4675,
      -0.0625,
      0.43375000000499997,
      -0.09624999999999995,
      0.401250000005,
      -0.12874999999500003,
      0.3675,
      -0.16249999999999998,
      0.33499999999999996,
      -0.19499999999999995,
      0.301250000005,
      -0.22875,
      0.26875000000500004,
      -0.2612499999950001,
      0.235,
      -0.29500000000000004,
      0.2025,
      -0.3275,
      0.168750000005,
      -0.36124999999999996,
      0.13625000000499998,
      -0.39374999999500004,
      0.10249999999999998,
      -0.4275,
      0.07,
      -0.45999999999999996,
      0.036249999995000004
    ],
    "TaskName": "MPRAGE",
    "dataset": "ds000212",
    "modality": "T1w",
    "subject_id": "24"
  },
  "cjv": 0.6066226722505246,
  "cnr": 2.326019556884273,
  "efc": 0.5709359013493661,
  "fber": 938.2405776564208,
  "fwhm_avg": 3.5307813959738987,
  "fwhm_x": 3.0307141879216974,
  "fwhm_y": 4.19218,
  "fwhm_z": 3.36945,
  "icvs_csf": 0.20091289647734353,
  "icvs_gm": 0.41187599617516235,
  "icvs_wm": 0.3872111073474941,
  "inu_med": 1.584637999534607,
  "inu_range": 0.6501741290092469,
  "provenance": {
    "md5sum": "6405d4aa2bfeee81961e65c1e428696f",
    "settings": {
      "testing": false
    },
    "software": "mriqc",
    "version": "21.0.0rc2",
    "warnings": {
      "large_rot_frame": true,
      "small_air_mask": false
    },
    "webapi_port": null,
    "webapi_url": "https://mriqc.nimh.nih.gov/api/v1"
  },
  "qi_1": 0.0,
  "qi_2": 0.014968499832524094,
  "rpve_csf": 25.95608533559432,
  "rpve_gm": 13.210087645023277,
  "rpve_wm": 17.01487780912361,
  "size_x": 128,
  "size_y": 256,
  "size_z": 256,
  "snr_csf": 3.267275725892914,
  "snr_gm": 10.428590851047662,
  "snr_total": 11.011376055268485,
  "snr_wm": 19.338261588864874,
  "snrd_csf": 28.40674960582598,
  "snrd_gm": 66.50707043335245,
  "snrd_total": 59.84664692010845,
  "snrd_wm": 84.62612072114693,
  "spacing_x": 1.3300000429153442,
  "spacing_y": 1.0,
  "spacing_z": 1.0,
  "summary_bg_k": 1.9080864430032163,
  "summary_bg_mad": 7.741878377143566,
  "summary_bg_mean": 20.87643019135123,
  "summary_bg_median": 20.667866349220276,
  "summary_bg_n": 2921486.0,
  "summary_bg_p05": 5.177936792373657,
  "summary_bg_p95": 41.2918518781662,
  "summary_bg_stdv": 11.001717284517827,
  "summary_csf_k": 1.5576759831725102,
  "summary_csf_mad": 82.65593679126806,
  "summary_csf_mean": 356.5552184721087,
  "summary_csf_median": 335.68827509880066,
  "summary_csf_n": 9574.0,
  "summary_csf_p05": 226.20562851428986,
  "summary_csf_p95": 559.7591017067433,
  "summary_csf_stdv": 102.73719500807539,
  "summary_gm_k": -0.2787223605929521,
  "summary_gm_mad": 78.8825843049292,
  "summary_gm_mean": 786.1084679918479,
  "summary_gm_median": 785.9274315237999,
  "summary_gm_n": 5078.0,
  "summary_gm_p05": 665.7466409564018,
  "summary_gm_p95": 914.2020393908023,
  "summary_gm_stdv": 75.35534315316755,
  "summary_wm_k": 0.15933216450359922,
  "summary_wm_mad": 51.00531636706349,
  "summary_wm_mean": 1001.1162573786936,
  "summary_wm_median": 1000.0438940525055,
  "summary_wm_n": 155421.0,
  "summary_wm_p05": 917.8112368583679,
  "summary_wm_p95": 1087.7177729606628,
  "summary_wm_stdv": 51.7130597412889,
  "tpm_overlap_csf": 0.18409618735313416,
  "tpm_overlap_gm": 0.4296615719795227,
  "tpm_overlap_wm": 0.5049110651016235,
  "wm2max": 0.6022028150907149
}