{
  "bids_meta": {
    "EchoTime": 0.0033900000000000002,
    "FlipAngle": 9,
    "MRAcquisitionType": "3D",
    "MagneticFieldStrength": 3,
    "Manufacturer": "SIEMENS",
    "ManufacturerModelName": "TrioTim",
    "RepetitionTime": 2,
    "ScanOptions": "IR",
    "ScanningSequence": "GR\\IR",
    "SequenceName": "tfl3d1_ns",
    "SequenceVariant": "SP\\MP",
    "SliceTiming": [
      0.0037499999899999747,
      0.5,
      -0.030000000000000027,
      0.4675,
      -0.0625,
      0.43374999999499997,
      -0.09624999999999995,
      0.401249999995,
      -0.12875000000499992,
      0.367499999995,
      -0.16250000000499998,
      0.33499999998999996,
      -0.19500000000499995,
      0.30124999999,
      -0.22875000001,
      0.26874999999,
      -0.26125000001,
      0.235,
      -0.29500000000000004,
      0.2025,
      -0.3275,
      0.168749999995,
      -0.36124999999999996,
      0.13624999999499998,
      -0.39375000000499993,
      0.10249999999499998,
      -0.427500000005,
      0.06999999999,
      -0.46000000000499996,
      0.036249999990000004
    ],
    "TaskName": "MPRAGE",
    "dataset": "ds000212",
    "modality": "T1w",
    "subject_id": "05"
  },
  "cjv": 0.4377489516228965,
  "cnr": 2.8880277903108595,
  "efc": 0.5923404725091995,
  "fber": 741.5147928994082,
  "fwhm_avg": 3.552253149982281,
  "fwhm_x": 3.065819449946844,
  "fwhm_y": 4.21974,
  "fwhm_z": 3.3712,
  "icvs_csf": 0.2007819073299664,
  "icvs_gm": 0.4411466014021491,
  "icvs_wm": 0.35807149126788446,
  "inu_med": 1.5559918880462646,
  "inu_range": 0.533217519521713,
  "provenance": {
    "md5sum": "0a0c192e73dcbe3a2263207ac5b5a807",
    "settings": {
      "testing": false
    },
    "software": "mriqc",
    "version": "21.0.0rc2",
    "warnings": {
      "large_rot_frame": true,
      "small_air_mask": false
    },
    "webapi_port": null,
    "webapi_url": "https://mriqc.nimh.nih.gov/api/v1"
  },
  "qi_1": 0.0,
  "qi_2": 0.01069318742429578,
  "rpve_csf": 22.43505163817664,
  "rpve_gm": 11.125458056881937,
  "rpve_wm": 16.16311671270316,
  "size_x": 128,
  "size_y": 256,
  "size_z": 256,
  "snr_csf": 3.2872389059794815,
  "snr_gm": 9.816276953128826,
  "snr_total": 11.697775610760358,
  "snr_wm": 21.989810973172766,
  "snrd_csf": 28.99066612550129,
  "snrd_gm": 68.4181824765505,
  "snrd_total": 63.150659278038084,
  "snrd_wm": 92.04312923206244,
  "spacing_x": 1.3300000429153442,
  "spacing_y": 1.0,
  "spacing_z": 1.0,
  "summary_bg_k": 2.2916971170812914,
  "summary_bg_mad": 7.117710857072585,
  "summary_bg_mean": 21.72895955686758,
  "summary_bg_median": 19.088986761868,
  "summary_bg_n": 2690004.0,
  "summary_bg_p05": 9.487340725958347,
  "summary_bg_p95": 38.80665272846818,
  "summary_bg_stdv": 9.845292026909943,
  "summary_csf_k": 1.7691864079997188,
  "summary_csf_mad": 76.26118775434912,
  "summary_csf_mean": 336.1700985180186,
  "summary_csf_median": 314.968281570822,
  "summary_csf_n": 11097.0,
  "summary_csf_p05": 218.75750218480826,
  "summary_csf_p95": 530.2280412711202,
  "summary_csf_stdv": 95.81113471314548,
  "summary_gm_k": 0.32891865970328515,
  "summary_gm_mad": 70.24502738706158,
  "summary_gm_mean": 749.501037712046,
  "summary_gm_median": 743.327430613339,
  "summary_gm_n": 16069.0,
  "summary_gm_p05": 634.0172627069056,
  "summary_gm_p95": 885.900443715602,
  "summary_gm_stdv": 75.72161060300922,
  "summary_wm_k": 0.6470494417520452,
  "summary_wm_mad": 42.113122571012795,
  "summary_wm_mean": 1000.1069452460623,
  "summary_wm_median": 1000.0000041089952,
  "summary_wm_n": 165804.0,
  "summary_wm_p05": 925.7587052956223,
  "summary_wm_p95": 1074.6985241621733,
  "summary_wm_stdv": 45.47546996723282,
  "tpm_overlap_csf": 0.18069611489772797,
  "tpm_overlap_gm": 0.45495274662971497,
  "tpm_overlap_wm": 0.5122194290161133,
  "wm2max": 0.6736430449936008
}