{
  "bids_meta": {
    "EchoTime": 0.0033900000000000002,
    "FlipAngle": 9,
    "MRAcquisitionType": "3D",
    "MagneticFieldStrength": 3,
    "Manufacturer": "SIEMENS",
    "ManufacturerModelName": "TrioTim",
    "RepetitionTime": 2,
    "ScanOptions": "IR",
    "ScanningSequence": "GR\\IR",
    "SequenceName": "tfl3d1_ns",
    "SequenceVariant": "SP\\MP",
    "SliceTiming": [
      0.0037500000050000315,
      0.5,
      -0.030000000000000027,
      0.46750000001500003,
      -0.0625,
      0.43375000000999997,
      -0.09624999998999995,
      0.40125000001,
      -0.12874999999000003,
      0.36750000001,
      -0.16249999998999998,
      0.33500000000499996,
      -0.19499999998999995,
      0.301250000005,
      -0.228749999995,
      0.26875000000500004,
      -0.2612499999950001,
      0.235,
      -0.29500000000000004,
      0.2025,
      -0.3275,
      0.16875000001,
      -0.36124999998500007,
      0.13625000000999998,
      -0.39374999999000004,
      0.10250000000999998,
      -0.42749999999,
      0.07000000000500001,
      -0.45999999998999996,
      0.036250000005000005
    ],
    "TaskName": "MPRAGE",
    "dataset": "ds000212",
    "modality": "T1w",
    "subject_id": "34"
  },
  "cjv": 0.439775485987404,
  "cnr": 2.998132424123002,
  "efc": 0.5859235237847059,
  "fber": 887.0684189689396,
  "fwhm_avg": 3.456851822904776,
  "fwhm_x": 2.9502254687143297,
  "fwhm_y": 4.17319,
  "fwhm_z": 3.24714,
  "icvs_csf": 0.19344605310458554,
  "icvs_gm": 0.40580508086973127,
  "icvs_wm": 0.4007488660256832,
  "inu_med": 1.3543360233306885,
  "inu_range": 0.3223080635070801,
  "provenance": {
    "md5sum": "5297d7916997038a8aaeee7a5888ca09",
    "settings": {
      "testing": false
    },
    "software": "mriqc",
    "version": "21.0.0rc2",
    "warnings": {
      "large_rot_frame": true,
      "small_air_mask": false
    },
    "webapi_port": null,
    "webapi_url": "https://mriqc.nimh.nih.gov/api/v1"
  },
  "qi_1": 0.0,
  "qi_2": 0.013016923471731322,
  "rpve_csf": 29.76383611638836,
  "rpve_gm": 14.867241834194528,
  "rpve_wm": 18.3043079199942,
  "size_x": 128,
  "size_y": 256,
  "size_z": 256,
  "snr_csf": 3.298908553422084,
  "snr_gm": 11.815868409443048,
  "snr_total": 13.158143055397838,
  "snr_wm": 24.359652203328388,
  "snrd_csf": 28.116620330970303,
  "snrd_gm": 59.02792971440487,
  "snrd_total": 54.676408645279885,
  "snrd_wm": 76.88467589046448,
  "spacing_x": 1.3300000429153442,
  "spacing_y": 1.0,
  "spacing_z": 1.0,
  "summary_bg_k": 9.187959695228459,
  "summary_bg_mad": 8.52086456551195,
  "summary_bg_mean": 19.997235908506287,
  "summary_bg_median": 17.2417074367404,
  "summary_bg_n": 2835877.0,
  "summary_bg_p05": 5.7472358122467995,
  "summary_bg_p95": 39.2410604134202,
  "summary_bg_stdv": 9.719908865483966,
  "summary_csf_k": 0.19607497001650875,
  "summary_csf_mad": 112.57698548474397,
  "summary_csf_mean": 388.35239569501204,
  "summary_csf_median": 365.6916667819023,
  "summary_csf_n": 12194.0,
  "summary_csf_p05": 239.59502939134836,
  "summary_csf_p95": 584.1627499759197,
  "summary_csf_stdv": 110.84777459420174,
  "summary_gm_k": 0.04193621912662726,
  "summary_gm_mad": 63.20111465810188,
  "summary_gm_mean": 768.7010862729518,
  "summary_gm_median": 767.7317454889417,
  "summary_gm_n": 7541.0,
  "summary_gm_p05": 660.6656902581453,
  "summary_gm_p95": 879.2890181094408,
  "summary_gm_stdv": 64.97032747467914,
  "summary_wm_k": 0.5279398195499359,
  "summary_wm_mad": 38.93640099472348,
  "summary_wm_mean": 999.8658324730553,
  "summary_wm_median": 999.9809701666236,
  "summary_wm_n": 146389.0,
  "summary_wm_p05": 932.0798530206084,
  "summary_wm_p95": 1066.6260688900948,
  "summary_wm_stdv": 41.050567812785765,
  "tpm_overlap_csf": 0.18269826471805573,
  "tpm_overlap_gm": 0.43638020753860474,
  "tpm_overlap_wm": 0.5097142457962036,
  "wm2max": 0.6229564686968088
}