{
  "bids_meta": {
    "EchoTime": 0.0033900000000000002,
    "FlipAngle": 9,
    "MRAcquisitionType": "3D",
    "MagneticFieldStrength": 3,
    "Manufacturer": "SIEMENS",
    "ManufacturerModelName": "TrioTim",
    "RepetitionTime": 2,
    "ScanOptions": "IR",
    "ScanningSequence": "GR\\IR",
    "SequenceName": "tfl3d1_ns",
    "SequenceVariant": "SP\\MP",
    "SliceTiming": [
      0.0037500000050000315,
      0.5,
      -0.030000000000000027,
      0.46750000001500003,
      -0.0625,
      0.43375000000999997,
      -0.09624999998999995,
      0.40125000001,
      -0.12874999999000003,
      0.36750000001,
      -0.16249999998999998,
      0.33500000000499996,
      -0.19499999998999995,
      0.301250000005,
      -0.228749999995,
      0.26875000000500004,
      -0.2612499999950001,
      0.235,
      -0.29500000000000004,
      0.2025,
      -0.3275,
      0.16875000001,
      -0.36124999998500007,
      0.13625000000999998,
      -0.39374999999000004,
      0.10250000000999998,
      -0.42749999999,
      0.07000000000500001,
      -0.45999999998999996,
      0.036250000005000005
    ],
    "TaskName": "MPRAGE",
    "dataset": "ds000212",
    "modality": "T1w",
    "subject_id": "45"
  },
  "cjv": 0.4996351205599976,
  "cnr": 2.641480232586855,
  "efc": 0.6230871089969406,
  "fber": 797.9309877275298,
  "fwhm_avg": 3.7113161314749354,
  "fwhm_x": 3.1553983944248056,
  "fwhm_y": 4.45486,
  "fwhm_z": 3.52369,
  "icvs_csf": 0.19626673283867596,
  "icvs_gm": 0.4324826843274686,
  "icvs_wm": 0.3712505828338554,
  "inu_med": 1.7257435321807861,
  "inu_range": 0.8449906826019287,
  "provenance": {
    "md5sum": "667b94c2a0161693c268a344fac1a9bc",
    "settings": {
      "testing": false
    },
    "software": "mriqc",
    "version": "21.0.0rc2",
    "warnings": {
      "large_rot_frame": true,
      "small_air_mask": false
    },
    "webapi_port": null,
    "webapi_url": "https://mriqc.nimh.nih.gov/api/v1"
  },
  "qi_1": 0.0,
  "qi_2": 0.01006558385261203,
  "rpve_csf": 23.675352826310966,
  "rpve_gm": 11.534147844717346,
  "rpve_wm": 15.935464076614092,
  "size_x": 128,
  "size_y": 256,
  "size_z": 256,
  "snr_csf": 2.993462147265163,
  "snr_gm": 10.037094033065173,
  "snr_total": 10.30559615458859,
  "snr_wm": 17.886232283435437,
  "snrd_csf": 30.315590517157325,
  "snrd_gm": 64.65069266814207,
  "snrd_total": 60.33321421123213,
  "snrd_wm": 86.033359448397,
  "spacing_x": 1.3300000429153442,
  "spacing_y": 1.0,
  "spacing_z": 1.0,
  "summary_bg_k": 2.2172894283402007,
  "summary_bg_mad": 7.614911286040597,
  "summary_bg_mean": 22.2277657290052,
  "summary_bg_median": 20.356234788894653,
  "summary_bg_n": 2543399.0,
  "summary_bg_p05": 10.130996480584145,
  "summary_bg_p95": 42.22033882141113,
  "summary_bg_stdv": 11.07079401715321,
  "summary_csf_k": 1.1396374379517757,
  "summary_csf_mad": 102.55678686153757,
  "summary_csf_mean": 375.969326392827,
  "summary_csf_median": 352.3701938688755,
  "summary_csf_n": 7577.0,
  "summary_csf_p05": 224.286125805974,
  "summary_csf_p95": 606.2011326670646,
  "summary_csf_stdv": 117.70549388912562,
  "summary_gm_k": 0.4628367306330019,
  "summary_gm_mad": 68.42940921721802,
  "summary_gm_mean": 755.2402586614111,
  "summary_gm_median": 751.460773833096,
  "summary_gm_n": 10700.0,
  "summary_gm_p05": 638.0478023014963,
  "summary_gm_p95": 889.5957328230143,
  "summary_gm_stdv": 74.86486183628078,
  "summary_wm_k": 0.036176126549198884,
  "summary_wm_mad": 55.749534002388955,
  "summary_wm_mean": 1002.0454721381253,
  "summary_wm_median": 1000.0000340044498,
  "summary_wm_n": 156373.0,
  "summary_wm_p05": 913.344673410058,
  "summary_wm_p95": 1096.55078651011,
  "summary_wm_stdv": 55.90874705582302,
  "tpm_overlap_csf": 0.18063056468963623,
  "tpm_overlap_gm": 0.47130948305130005,
  "tpm_overlap_wm": 0.5194790363311768,
  "wm2max": 0.6308243105397392
}