{
  "bids_meta": {
    "EchoTime": 0.0033900000000000002,
    "FlipAngle": 9,
    "MRAcquisitionType": "3D",
    "MagneticFieldStrength": 3,
    "Manufacturer": "SIEMENS",
    "ManufacturerModelName": "TrioTim",
    "RepetitionTime": 2,
    "ScanOptions": "IR",
    "ScanningSequence": "GR\\IR",
    "SequenceName": "tfl3d1_ns",
    "SequenceVariant": "SP\\MP",
    "SliceTiming": [
      0.0037500000050000315,
      0.5,
      -0.028750000000000053,
      0.4675,
      -0.0625,
      0.43374999999499997,
      -0.09499999999999997,
      0.401249999995,
      -0.12875000000499992,
      0.36750000001,
      -0.1612500000049999,
      0.33500000000499996,
      -0.19499999998999995,
      0.301250000005,
      -0.22749999999500004,
      0.26875000000500004,
      -0.2612499999950001,
      0.235,
      -0.29374999999500007,
      0.2025,
      -0.3275,
      0.168749999995,
      -0.36,
      0.13624999999499998,
      -0.39375000000499993,
      0.10374999999500001,
      -0.4262500000049999,
      0.07000000000500001,
      -0.45999999998999996,
      0.03750000000499998
    ],
    "TaskName": "MPRAGE",
    "dataset": "ds000212",
    "modality": "T1w",
    "subject_id": "03"
  },
  "cjv": 0.4832675714418326,
  "cnr": 2.720202243119531,
  "efc": 0.6031689335903953,
  "fber": 646.049053590979,
  "fwhm_avg": 3.5417853311366554,
  "fwhm_x": 3.000435993409967,
  "fwhm_y": 4.26296,
  "fwhm_z": 3.36196,
  "icvs_csf": 0.18691805508227477,
  "icvs_gm": 0.43514843475861914,
  "icvs_wm": 0.3779335101591061,
  "inu_med": 1.8449053764343262,
  "inu_range": 0.6876188874244691,
  "provenance": {
    "md5sum": "f47b7fefe704bce426499a9a248ea2e3",
    "settings": {
      "testing": false
    },
    "software": "mriqc",
    "version": "21.0.0rc2",
    "warnings": {
      "large_rot_frame": true,
      "small_air_mask": false
    },
    "webapi_port": null,
    "webapi_url": "https://mriqc.nimh.nih.gov/api/v1"
  },
  "qi_1": 0.0,
  "qi_2": 0.010827574166051073,
  "rpve_csf": 24.14420588405965,
  "rpve_gm": 11.311243436796678,
  "rpve_wm": 15.264200309234672,
  "size_x": 128,
  "size_y": 256,
  "size_z": 256,
  "snr_csf": 2.4987740183771607,
  "snr_gm": 9.877818810847128,
  "snr_total": 11.282847257109529,
  "snr_wm": 21.471948942104298,
  "snrd_csf": 25.512231786513382,
  "snrd_gm": 61.15310984860297,
  "snrd_total": 55.89817061324201,
  "snrd_wm": 81.02917020460967,
  "spacing_x": 1.3300000429153442,
  "spacing_y": 1.0,
  "spacing_z": 1.0,
  "summary_bg_k": 1.870253038168439,
  "summary_bg_mad": 8.085624216803494,
  "summary_bg_mean": 24.276552454971586,
  "summary_bg_median": 21.600813195109367,
  "summary_bg_n": 2796490.0,
  "summary_bg_p05": 10.746939238160849,
  "summary_bg_p95": 43.736299984157085,
  "summary_bg_stdv": 11.202002909101289,
  "summary_csf_k": 13.701832846072627,
  "summary_csf_mad": 93.22249097020499,
  "summary_csf_mean": 350.63850340401797,
  "summary_csf_median": 314.8692794702947,
  "summary_csf_n": 10219.0,
  "summary_csf_p05": 212.20125596225262,
  "summary_csf_p95": 582.7086696177722,
  "summary_csf_stdv": 126.00334032080401,
  "summary_gm_k": 0.03868418104607141,
  "summary_gm_mad": 75.02983648239712,
  "summary_gm_mean": 758.945535827111,
  "summary_gm_median": 754.7452452033758,
  "summary_gm_n": 13630.0,
  "summary_gm_p05": 641.3650362407789,
  "summary_gm_p95": 892.5653841448947,
  "summary_gm_stdv": 76.4052846316502,
  "summary_wm_k": 0.7590524880292344,
  "summary_wm_mad": 43.51968328455998,
  "summary_wm_mean": 999.8059387047515,
  "summary_wm_median": 1000.0534901022911,
  "summary_wm_n": 171211.0,
  "summary_wm_p05": 923.1139599345624,
  "summary_wm_p95": 1074.5335217379034,
  "summary_wm_stdv": 46.57474606823937,
  "tpm_overlap_csf": 0.18336550891399384,
  "tpm_overlap_gm": 0.4648718535900116,
  "tpm_overlap_wm": 0.512996256351471,
  "wm2max": 0.6141783149378817
}