{
  "bids_meta": {
    "EchoTime": 0.0033900000000000002,
    "FlipAngle": 9,
    "MRAcquisitionType": "3D",
    "MagneticFieldStrength": 3,
    "Manufacturer": "SIEMENS",
    "ManufacturerModelName": "TrioTim",
    "RepetitionTime": 2,
    "ScanOptions": "IR",
    "ScanningSequence": "GR\\IR",
    "SequenceName": "tfl3d1_ns",
    "SequenceVariant": "SP\\MP",
    "SliceTiming": [
      0.0025000000000000022,
      0.5,
      -0.030000000000000027,
      0.46625,
      -0.06374999999999997,
      0.43374999999499997,
      -0.09624999999999995,
      0.399999999995,
      -0.1300000000049999,
      0.367499999995,
      -0.16250000000499998,
      0.333750000005,
      -0.19625000001000004,
      0.301250000005,
      -0.228749999995,
      0.26749999999999996,
      -0.26249999999500007,
      0.235,
      -0.29500000000000004,
      0.20124999999999998,
      -0.32875,
      0.168749999995,
      -0.36124999999999996,
      0.134999999995,
      -0.3950000000049999,
      0.10249999999499998,
      -0.427500000005,
      0.06875000000499998,
      -0.46125000001000005,
      0.036250000005000005
    ],
    "TaskName": "MPRAGE",
    "dataset": "ds000212",
    "modality": "T1w",
    "subject_id": "18"
  },
  "cjv": 0.3997999787296985,
  "cnr": 3.248329111939208,
  "efc": 0.5934789073039705,
  "fber": 909.8033372528699,
  "fwhm_avg": 3.8396085116867074,
  "fwhm_x": 3.224255535060123,
  "fwhm_y": 4.59716,
  "fwhm_z": 3.69741,
  "icvs_csf": 0.18274346223286458,
  "icvs_gm": 0.42436366069935944,
  "icvs_wm": 0.392892877067776,
  "inu_med": 1.6752320528030396,
  "inu_range": 0.6345171928405762,
  "provenance": {
    "md5sum": "d9c2352a451303fb8cae03befb12011e",
    "settings": {
      "testing": false
    },
    "software": "mriqc",
    "version": "21.0.0rc2",
    "warnings": {
      "large_rot_frame": true,
      "small_air_mask": false
    },
    "webapi_port": null,
    "webapi_url": "https://mriqc.nimh.nih.gov/api/v1"
  },
  "qi_1": 0.0,
  "qi_2": 0.008898201663558878,
  "rpve_csf": 23.90999416638169,
  "rpve_gm": 11.125919146163632,
  "rpve_wm": 14.341506365202754,
  "size_x": 128,
  "size_y": 256,
  "size_z": 256,
  "snr_csf": 2.991010673257859,
  "snr_gm": 10.438813192262057,
  "snr_total": 11.896370126446689,
  "snr_wm": 22.259286513820154,
  "snrd_csf": 32.37349235100765,
  "snrd_gm": 69.6746471252212,
  "snrd_total": 65.88665541945966,
  "snrd_wm": 95.61182678215012,
  "spacing_x": 1.3300000429153442,
  "spacing_y": 1.0,
  "spacing_z": 1.0,
  "summary_bg_k": 2.2685131190109518,
  "summary_bg_mad": 6.852043461423528,
  "summary_bg_mean": 19.90767509125257,
  "summary_bg_median": 19.65361139178276,
  "summary_bg_n": 2705834.0,
  "summary_bg_p05": 7.936137616634369,
  "summary_bg_p95": 36.272817224264145,
  "summary_bg_stdv": 9.11831060665428,
  "summary_csf_k": 33.359348251871,
  "summary_csf_mad": 106.65655529347127,
  "summary_csf_mean": 359.99611320410014,
  "summary_csf_median": 338.5929772555828,
  "summary_csf_n": 14380.0,
  "summary_csf_p05": 214.13333200365304,
  "summary_csf_p95": 544.3793598130344,
  "summary_csf_stdv": 113.19959738894862,
  "summary_gm_k": 0.06215960698094003,
  "summary_gm_mad": 67.82830901207129,
  "summary_gm_mean": 733.5507951166171,
  "summary_gm_median": 728.7241658568382,
  "summary_gm_n": 12829.0,
  "summary_gm_p05": 626.179931217432,
  "summary_gm_p95": 857.9991793155668,
  "summary_gm_stdv": 69.80638032710443,
  "summary_wm_k": 0.7718290921027293,
  "summary_wm_mad": 40.62777284702637,
  "summary_wm_mean": 998.4535072111573,
  "summary_wm_median": 1000.0000228583813,
  "summary_wm_n": 194526.0,
  "summary_wm_p05": 921.6189931035042,
  "summary_wm_p95": 1069.2778359353542,
  "summary_wm_stdv": 44.9249553386923,
  "tpm_overlap_csf": 0.18670789897441864,
  "tpm_overlap_gm": 0.44861316680908203,
  "tpm_overlap_wm": 0.5197885632514954,
  "wm2max": 0.6555436226547455
}