{
  "bids_meta": {
    "EchoTime": 0.0033900000000000002,
    "FlipAngle": 9,
    "MRAcquisitionType": "3D",
    "MagneticFieldStrength": 3,
    "Manufacturer": "SIEMENS",
    "ManufacturerModelName": "TrioTim",
    "RepetitionTime": 2,
    "ScanOptions": "IR",
    "ScanningSequence": "GR\\IR",
    "SequenceName": "tfl3d1_ns",
    "SequenceVariant": "SP\\MP",
    "SliceTiming": [
      0.0025000000000000022,
      0.5,
      -0.030000000000000027,
      0.46625000001,
      -0.06374999999999997,
      0.43375000000999997,
      -0.09624999998999995,
      0.40000000001,
      -0.12999999999,
      0.36750000001,
      -0.16249999998999998,
      0.333750000005,
      -0.19624999999500004,
      0.301250000005,
      -0.228749999995,
      0.26749999999999996,
      -0.26249999999500007,
      0.235,
      -0.29500000000000004,
      0.20124999999999998,
      -0.32875,
      0.16875000001,
      -0.36124999999999996,
      0.13500000001,
      -0.39499999999,
      0.10250000000999998,
      -0.42749999999,
      0.06875000000499998,
      -0.46124999999500005,
      0.036250000005000005
    ],
    "TaskName": "MPRAGE",
    "dataset": "ds000212",
    "modality": "T1w",
    "subject_id": "04"
  },
  "cjv": 0.38381978526015115,
  "cnr": 3.452609125860231,
  "efc": 0.5729926318997517,
  "fber": 947.6230249978958,
  "fwhm_avg": 3.5437992653313977,
  "fwhm_x": 3.0601577959941917,
  "fwhm_y": 4.19692,
  "fwhm_z": 3.37432,
  "icvs_csf": 0.20515545980686029,
  "icvs_gm": 0.44560572476138866,
  "icvs_wm": 0.34923881543175106,
  "inu_med": 1.627942442893982,
  "inu_range": 0.6326960742473602,
  "provenance": {
    "md5sum": "e963d8dc06d7fff8d11bd1f4d8ba44df",
    "settings": {
      "testing": false
    },
    "software": "mriqc",
    "version": "21.0.0rc2",
    "warnings": {
      "large_rot_frame": true,
      "small_air_mask": false
    },
    "webapi_port": null,
    "webapi_url": "https://mriqc.nimh.nih.gov/api/v1"
  },
  "qi_1": 0.0,
  "qi_2": 0.01161840990624411,
  "rpve_csf": 25.15745197028336,
  "rpve_gm": 12.166297808052162,
  "rpve_wm": 17.568700058056685,
  "size_x": 128,
  "size_y": 256,
  "size_z": 256,
  "snr_csf": 3.0454110065353417,
  "snr_gm": 11.882315100558921,
  "snr_total": 11.698114263910435,
  "snr_wm": 20.16661668463704,
  "snrd_csf": 23.739256198370217,
  "snrd_gm": 54.44861598057835,
  "snrd_total": 51.06084806462429,
  "snrd_wm": 74.9946720149243,
  "spacing_x": 1.3300000429153442,
  "spacing_y": 1.0,
  "spacing_z": 1.0,
  "summary_bg_k": 1.7411007153605862,
  "summary_bg_mad": 8.735772521622428,
  "summary_bg_mean": 20.533816974843266,
  "summary_bg_median": 16.72107696533203,
  "summary_bg_n": 2888946.0,
  "summary_bg_p05": 5.4144439697265625,
  "summary_bg_p95": 38.2196044921875,
  "summary_bg_stdv": 10.227409969161364,
  "summary_csf_k": 0.23021777536373955,
  "summary_csf_mad": 81.80932915519382,
  "summary_csf_mean": 346.2707265105037,
  "summary_csf_median": 316.54591178894043,
  "summary_csf_n": 16645.0,
  "summary_csf_p05": 221.7931423187256,
  "summary_csf_p95": 554.4231376647949,
  "summary_csf_stdv": 103.93881227464199,
  "summary_gm_k": 0.11258224767126901,
  "summary_gm_mad": 59.94038510613227,
  "summary_gm_mean": 726.1681092031238,
  "summary_gm_median": 726.0331430435181,
  "summary_gm_n": 10262.0,
  "summary_gm_p05": 624.7730877876281,
  "summary_gm_p95": 827.5659111022948,
  "summary_gm_stdv": 61.09901658062385,
  "summary_wm_k": 0.6337411670396551,
  "summary_wm_mad": 45.21352534839716,
  "summary_wm_mean": 997.0013465752401,
  "summary_wm_median": 1000.0000267028809,
  "summary_wm_n": 122919.0,
  "summary_wm_p05": 907.9544792175293,
  "summary_wm_p95": 1072.9357719421387,
  "summary_wm_stdv": 49.58669937614796,
  "tpm_overlap_csf": 0.17652618885040283,
  "tpm_overlap_gm": 0.45722031593322754,
  "tpm_overlap_wm": 0.48200011253356934,
  "wm2max": 0.6622600979735124
}