{
  "bids_meta": {
    "EchoTime": 0.0033900000000000002,
    "FlipAngle": 9,
    "MRAcquisitionType": "3D",
    "MagneticFieldStrength": 3,
    "Manufacturer": "SIEMENS",
    "ManufacturerModelName": "TrioTim",
    "RepetitionTime": 2,
    "ScanOptions": "IR",
    "ScanningSequence": "GR\\IR",
    "SequenceName": "tfl3d1_ns",
    "SequenceVariant": "SP\\MP",
    "SliceTiming": [
      0.0025000000000000022,
      0.5,
      -0.030000000000000027,
      0.46625000001,
      -0.06374999998500008,
      0.43375000000999997,
      -0.09624999998999995,
      0.40000000001,
      -0.12999999999,
      0.36750000001,
      -0.16249999998999998,
      0.333750000005,
      -0.19624999999500004,
      0.301250000005,
      -0.228749999995,
      0.26749999999999996,
      -0.26249999999500007,
      0.235,
      -0.29500000000000004,
      0.20125000001499999,
      -0.32875,
      0.16875000001,
      -0.36124999998500007,
      0.13500000001,
      -0.39499999999,
      0.10250000000999998,
      -0.42749999999,
      0.06875000000499998,
      -0.46124999999500005,
      0.036250000005000005
    ],
    "TaskName": "MPRAGE",
    "dataset": "ds000212",
    "modality": "T1w",
    "subject_id": "35"
  },
  "cjv": 0.4139582982111186,
  "cnr": 3.2002618753266487,
  "efc": 0.6250421641607212,
  "fber": 591.1208554280054,
  "fwhm_avg": 3.5472392658369163,
  "fwhm_x": 3.013157797510749,
  "fwhm_y": 4.23445,
  "fwhm_z": 3.39411,
  "icvs_csf": 0.2006633692353884,
  "icvs_gm": 0.4110755330039907,
  "icvs_wm": 0.38826109776062084,
  "inu_med": 1.4792119264602661,
  "inu_range": 0.49173539876937844,
  "provenance": {
    "md5sum": "fb27201fc5ee9de6658eefcbd8acf771",
    "settings": {
      "testing": false
    },
    "software": "mriqc",
    "version": "21.0.0rc2",
    "warnings": {
      "large_rot_frame": true,
      "small_air_mask": false
    },
    "webapi_port": null,
    "webapi_url": "https://mriqc.nimh.nih.gov/api/v1"
  },
  "qi_1": 0.0,
  "qi_2": 0.010614846023477727,
  "rpve_csf": 21.33176481155924,
  "rpve_gm": 10.85134891435266,
  "rpve_wm": 14.042623078104613,
  "size_x": 128,
  "size_y": 256,
  "size_z": 256,
  "snr_csf": 3.056012193478687,
  "snr_gm": 10.474176681783218,
  "snr_total": 12.531700063163397,
  "snr_wm": 24.064911314228283,
  "snrd_csf": 27.540552178117935,
  "snrd_gm": 59.48742595651901,
  "snrd_total": 55.95027943065312,
  "snrd_wm": 80.82286015732241,
  "spacing_x": 1.3300000429153442,
  "spacing_y": 1.0,
  "spacing_z": 1.0,
  "summary_bg_k": 3.337266031069623,
  "summary_bg_mad": 8.105829946127693,
  "summary_bg_mean": 24.70302763314326,
  "summary_bg_median": 21.76604027301073,
  "summary_bg_n": 2673055.0,
  "summary_bg_p05": 10.831441842019558,
  "summary_bg_p95": 47.76150069385767,
  "summary_bg_stdv": 11.825823721942921,
  "summary_csf_k": 0.20268258102727943,
  "summary_csf_mad": 101.43757946734326,
  "summary_csf_mean": 366.98151864042643,
  "summary_csf_median": 340.7520025204867,
  "summary_csf_n": 15658.0,
  "summary_csf_p05": 223.33401512354612,
  "summary_csf_p95": 573.919419487752,
  "summary_csf_stdv": 111.49861312419999,
  "summary_gm_k": -0.007299466197817406,
  "summary_gm_mad": 70.0466059495563,
  "summary_gm_mean": 737.8545608705285,
  "summary_gm_median": 736.0222623124719,
  "summary_gm_n": 9693.0,
  "summary_gm_p05": 624.3346234329044,
  "summary_gm_p95": 858.5413430340587,
  "summary_gm_stdv": 70.26655335332539,
  "summary_wm_k": 0.816946791004789,
  "summary_wm_mad": 39.22915813550478,
  "summary_wm_mean": 1000.018313499737,
  "summary_wm_median": 999.9999734908342,
  "summary_wm_n": 183865.0,
  "summary_wm_p05": 932.3808294199407,
  "summary_wm_p95": 1066.8970214389265,
  "summary_wm_stdv": 41.554163281269105,
  "tpm_overlap_csf": 0.18406860530376434,
  "tpm_overlap_gm": 0.4363303482532501,
  "tpm_overlap_wm": 0.5101722478866577,
  "wm2max": 0.6297587378943456
}