{
  "bids_meta": {
    "EchoTime": 0.0033900000000000002,
    "FlipAngle": 9,
    "MRAcquisitionType": "3D",
    "MagneticFieldStrength": 3,
    "Manufacturer": "SIEMENS",
    "ManufacturerModelName": "TrioTim",
    "RepetitionTime": 2,
    "ScanOptions": "IR",
    "ScanningSequence": "GR\\IR",
    "SequenceName": "tfl3d1_ns",
    "SequenceVariant": "SP\\MP",
    "SliceTiming": [
      0.0037499999899999747,
      0.5,
      -0.030000000000000027,
      0.4675,
      -0.0625,
      0.43374999999499997,
      -0.09499999999999997,
      0.401249999995,
      -0.12875000000499992,
      0.367499999995,
      -0.1612500000049999,
      0.33499999998999996,
      -0.19500000000499995,
      0.30124999999,
      -0.22750000001000004,
      0.26874999999,
      -0.26125000001,
      0.235,
      -0.29375000000999996,
      0.2025,
      -0.3275,
      0.168749999995,
      -0.36,
      0.13624999999499998,
      -0.39375000000499993,
      0.10249999999499998,
      -0.4262500000049999,
      0.06999999999,
      -0.46000000000499996,
      0.036249999990000004
    ],
    "TaskName": "MPRAGE",
    "dataset": "ds000212",
    "modality": "T1w",
    "subject_id": "22"
  },
  "cjv": 0.37157517766305376,
  "cnr": 3.5086838633857944,
  "efc": 0.5547102828034958,
  "fber": 914.6120235400634,
  "fwhm_avg": 3.631781821054792,
  "fwhm_x": 3.1222254631643755,
  "fwhm_y": 4.24602,
  "fwhm_z": 3.5271,
  "icvs_csf": 0.2078101484773417,
  "icvs_gm": 0.44351333014183825,
  "icvs_wm": 0.34867652138082006,
  "inu_med": 1.725095272064209,
  "inu_range": 0.6545659661293026,
  "provenance": {
    "md5sum": "e40796ed328f86f1212bae2ffab338e5",
    "settings": {
      "testing": false
    },
    "software": "mriqc",
    "version": "21.0.0rc2",
    "warnings": {
      "large_rot_frame": true,
      "small_air_mask": false
    },
    "webapi_port": null,
    "webapi_url": "https://mriqc.nimh.nih.gov/api/v1"
  },
  "qi_1": 0.00010667490122044509,
  "qi_2": 0.01030384325741307,
  "rpve_csf": 27.06050516796705,
  "rpve_gm": 13.293075468332994,
  "rpve_wm": 19.331604305627113,
  "size_x": 128,
  "size_y": 256,
  "size_z": 256,
  "snr_csf": 3.061824499817549,
  "snr_gm": 11.6270704237977,
  "snr_total": 11.886926611366354,
  "snr_wm": 20.971884910483812,
  "snrd_csf": 35.145960237458425,
  "snrd_gm": 73.04089645431573,
  "snrd_total": 69.73220229749836,
  "snrd_wm": 101.00975020072092,
  "spacing_x": 1.3300000429153442,
  "spacing_y": 1.0,
  "spacing_z": 1.0,
  "summary_bg_k": 2.0959817055313907,
  "summary_bg_mad": 6.485872519089298,
  "summary_bg_mean": 19.02413507944968,
  "summary_bg_median": 17.406520150601864,
  "summary_bg_n": 2656420.0,
  "summary_bg_p05": 8.611162085086107,
  "summary_bg_p95": 35.22748125717044,
  "summary_bg_stdv": 9.312703031989269,
  "summary_csf_k": -0.3403287624272102,
  "summary_csf_mad": 99.9507091362814,
  "summary_csf_mean": 379.4806914377202,
  "summary_csf_median": 347.9462070316076,
  "summary_csf_n": 15980.0,
  "summary_csf_p05": 234.9857195833698,
  "summary_csf_p95": 592.5239322958513,
  "summary_csf_stdv": 113.63659803309598,
  "summary_gm_k": 0.20181899873734954,
  "summary_gm_mad": 59.12384843717192,
  "summary_gm_mean": 725.1371406470432,
  "summary_gm_median": 723.107370171696,
  "summary_gm_n": 10217.0,
  "summary_gm_p05": 625.2348359704017,
  "summary_gm_p95": 834.6380363218486,
  "summary_gm_stdv": 62.18866451218844,
  "summary_wm_k": 0.6962593337736669,
  "summary_wm_mad": 43.76257141827622,
  "summary_wm_mean": 997.3220738285839,
  "summary_wm_median": 999.9999777525663,
  "summary_wm_n": 114291.0,
  "summary_wm_p05": 913.1976219750941,
  "summary_wm_p95": 1070.1325973011553,
  "summary_wm_stdv": 47.68267646011792,
  "tpm_overlap_csf": 0.17059962451457977,
  "tpm_overlap_gm": 0.46799829602241516,
  "tpm_overlap_wm": 0.5059755444526672,
  "wm2max": 0.7117666338905277
}