{
  "bids_meta": {
    "EchoTime": 0.0033900000000000002,
    "FlipAngle": 9,
    "MRAcquisitionType": "3D",
    "MagneticFieldStrength": 3,
    "Manufacturer": "SIEMENS",
    "ManufacturerModelName": "TrioTim",
    "RepetitionTime": 2,
    "ScanOptions": "IR",
    "ScanningSequence": "GR\\IR",
    "SequenceName": "tfl3d1_ns",
    "SequenceVariant": "SP\\MP",
    "SliceTiming": [
      0.0037500000050000315,
      0.5,
      -0.030000000000000027,
      0.4675,
      -0.0625,
      0.43374999999499997,
      -0.09624999999999995,
      0.401249999995,
      -0.12875000000499992,
      0.36750000001,
      -0.16250000000499998,
      0.33500000000499996,
      -0.19499999998999995,
      0.301250000005,
      -0.228749999995,
      0.26875000000500004,
      -0.2612499999950001,
      0.235,
      -0.29500000000000004,
      0.2025,
      -0.3275,
      0.168749999995,
      -0.36124999999999996,
      0.13624999999499998,
      -0.39375000000499993,
      0.10249999999499998,
      -0.427500000005,
      0.07000000000500001,
      -0.46000000000499996,
      0.036250000005000005
    ],
    "TaskName": "MPRAGE",
    "dataset": "ds000212",
    "modality": "T1w",
    "subject_id": "32"
  },
  "cjv": 0.4357989259706923,
  "cnr": 3.06736086383238,
  "efc": 0.6023084609630109,
  "fber": 858.7588283814493,
  "fwhm_avg": 3.596841119460043,
  "fwhm_x": 3.10738335838013,
  "fwhm_y": 4.30345,
  "fwhm_z": 3.37969,
  "icvs_csf": 0.19864554333653844,
  "icvs_gm": 0.41474368805641726,
  "icvs_wm": 0.3866107686070443,
  "inu_med": 1.5396361351013184,
  "inu_range": 0.5660218000411987,
  "provenance": {
    "md5sum": "b9eacec8d04d730500a886319cc01416",
    "settings": {
      "testing": false
    },
    "software": "mriqc",
    "version": "21.0.0rc2",
    "warnings": {
      "large_rot_frame": true,
      "small_air_mask": false
    },
    "webapi_port": null,
    "webapi_url": "https://mriqc.nimh.nih.gov/api/v1"
  },
  "qi_1": 0.0,
  "qi_2": 0.011791337987160831,
  "rpve_csf": 25.354471465500705,
  "rpve_gm": 12.58275050467836,
  "rpve_wm": 16.002901019297834,
  "size_x": 128,
  "size_y": 256,
  "size_z": 256,
  "snr_csf": 3.1869208233265516,
  "snr_gm": 10.943040548047078,
  "snr_total": 12.047371026637158,
  "snr_wm": 22.012151708537846,
  "snrd_csf": 23.232712439178453,
  "snrd_gm": 57.160923205209016,
  "snrd_total": 52.32924151231865,
  "snrd_wm": 76.59408889256848,
  "spacing_x": 1.3300000429153442,
  "spacing_y": 1.0,
  "spacing_z": 1.0,
  "summary_bg_k": 2.8487915977059357,
  "summary_bg_mad": 8.553353981445198,
  "summary_bg_mean": 23.074918348935963,
  "summary_bg_median": 22.739713713526726,
  "summary_bg_n": 2910196.0,
  "summary_bg_p05": 11.369856856763363,
  "summary_bg_p95": 45.31098510324955,
  "summary_bg_stdv": 11.292797932844111,
  "summary_csf_k": 3.3810340894427906,
  "summary_csf_mad": 63.619472314544936,
  "summary_csf_mean": 328.6157980374098,
  "summary_csf_median": 303.32251458987594,
  "summary_csf_n": 19499.0,
  "summary_csf_p05": 221.29110289737582,
  "summary_csf_p95": 533.9663775164634,
  "summary_csf_stdv": 95.17485792894811,
  "summary_gm_k": -0.018638770597963816,
  "summary_gm_mad": 66.99086731453063,
  "summary_gm_mean": 749.2102295757882,
  "summary_gm_median": 746.2837156131864,
  "summary_gm_n": 10318.0,
  "summary_gm_p05": 641.4220524581149,
  "summary_gm_p95": 867.2253041043878,
  "summary_gm_stdv": 68.19380292845192,
  "summary_wm_k": 0.3839705410084089,
  "summary_wm_mad": 43.578402036852175,
  "summary_wm_mean": 1000.1454223726918,
  "summary_wm_median": 999.9999658428133,
  "summary_wm_n": 158866.0,
  "summary_wm_p05": 925.6326798833907,
  "summary_wm_p95": 1074.483055899851,
  "summary_wm_stdv": 45.42930794646324,
  "tpm_overlap_csf": 0.16935643553733826,
  "tpm_overlap_gm": 0.4221458435058594,
  "tpm_overlap_wm": 0.4857465624809265,
  "wm2max": 0.635609325232194
}