{
  "bids_meta": {
    "EchoTime": 0.0033900000000000002,
    "FlipAngle": 9,
    "MRAcquisitionType": "3D",
    "MagneticFieldStrength": 3,
    "Manufacturer": "SIEMENS",
    "ManufacturerModelName": "TrioTim",
    "RepetitionTime": 2,
    "ScanOptions": "IR",
    "ScanningSequence": "GR\\IR",
    "SequenceName": "tfl3d1_ns",
    "SequenceVariant": "SP\\MP",
    "SliceTiming": [
      0.0025000000000000022,
      0.5,
      -0.030000000000000027,
      0.46625,
      -0.06374999999999997,
      0.43375000000499997,
      -0.09624999999999995,
      0.4,
      -0.129999999995,
      0.3675,
      -0.16249999999999998,
      0.33375,
      -0.19625000000000004,
      0.301250000005,
      -0.22875,
      0.26749999999999996,
      -0.26249999999500007,
      0.235,
      -0.29500000000000004,
      0.20124999999999998,
      -0.32875,
      0.168750000005,
      -0.36124999999999996,
      0.135,
      -0.394999999995,
      0.10249999999999998,
      -0.4275,
      0.06874999999999998,
      -0.46125000000000005,
      0.036249999995000004
    ],
    "TaskName": "MPRAGE",
    "dataset": "ds000212",
    "modality": "T1w",
    "subject_id": "40"
  },
  "cjv": 0.466266425871313,
  "cnr": 2.848558582873318,
  "efc": 0.6269838201815507,
  "fber": 652.0701530637195,
  "fwhm_avg": 3.8261057546472124,
  "fwhm_x": 3.237947263941638,
  "fwhm_y": 4.64815,
  "fwhm_z": 3.59222,
  "icvs_csf": 0.23228328472749146,
  "icvs_gm": 0.3867340419907573,
  "icvs_wm": 0.3809826732817512,
  "inu_med": 1.51529860496521,
  "inu_range": 0.506704521179199,
  "provenance": {
    "md5sum": "17d4d0d8b33cc2077626c2db10708f33",
    "settings": {
      "testing": false
    },
    "software": "mriqc",
    "version": "21.0.0rc2",
    "warnings": {
      "large_rot_frame": true,
      "small_air_mask": false
    },
    "webapi_port": null,
    "webapi_url": "https://mriqc.nimh.nih.gov/api/v1"
  },
  "qi_1": 0.0,
  "qi_2": 0.006341331736402444,
  "rpve_csf": 23.006483727818825,
  "rpve_gm": 13.204244313696664,
  "rpve_wm": 16.204469086675672,
  "size_x": 128,
  "size_y": 256,
  "size_z": 256,
  "snr_csf": 3.2302125768276215,
  "snr_gm": 10.64712939967774,
  "snr_total": 10.942596536572333,
  "snr_wm": 18.95044763321164,
  "snrd_csf": 22.752106885144894,
  "snrd_gm": 49.898762213584234,
  "snrd_total": 46.51261291584134,
  "snrd_wm": 66.88696964879486,
  "spacing_x": 1.3300000429153442,
  "spacing_y": 1.0,
  "spacing_z": 1.0,
  "summary_bg_k": 5.8393306965044065,
  "summary_bg_mad": 9.794678305322332,
  "summary_bg_mean": 27.358563476524196,
  "summary_bg_median": 25.772259272634983,
  "summary_bg_n": 2717464.0,
  "summary_bg_p05": 6.497513253241777,
  "summary_bg_p95": 57.82423805817962,
  "summary_bg_stdv": 16.023649307664098,
  "summary_csf_k": 0.6050426421685731,
  "summary_csf_mad": 99.02312132853346,
  "summary_csf_mean": 356.00986363810796,
  "summary_csf_median": 340.15752344205976,
  "summary_csf_n": 29229.0,
  "summary_csf_p05": 211.15103125199676,
  "summary_csf_p95": 554.4883433029055,
  "summary_csf_stdv": 105.30319490310596,
  "summary_gm_k": 0.017747136593316615,
  "summary_gm_mad": 68.85874116296662,
  "summary_gm_mean": 748.3179742550785,
  "summary_gm_median": 746.0161585509777,
  "summary_gm_n": 5706.0,
  "summary_gm_p05": 632.8269367525354,
  "summary_gm_p95": 867.5722898738459,
  "summary_gm_stdv": 70.06121147612288,
  "summary_wm_k": 0.6611504206751198,
  "summary_wm_mad": 49.56537757803224,
  "summary_wm_mean": 1001.6918361978152,
  "summary_wm_median": 999.9999587349594,
  "summary_wm_n": 153847.0,
  "summary_wm_p05": 918.0006154999137,
  "summary_wm_p95": 1090.8925463669002,
  "summary_wm_stdv": 52.769028368234494,
  "tpm_overlap_csf": 0.17731133103370667,
  "tpm_overlap_gm": 0.43150588870048523,
  "tpm_overlap_wm": 0.5037068128585815,
  "wm2max": 0.643492368960423
}