{
  "bids_meta": {
    "EchoTime": 0.0033900000000000002,
    "FlipAngle": 9,
    "MRAcquisitionType": "3D",
    "MagneticFieldStrength": 3,
    "Manufacturer": "SIEMENS",
    "ManufacturerModelName": "TrioTim",
    "RepetitionTime": 2,
    "ScanOptions": "IR",
    "ScanningSequence": "GR\\IR",
    "SequenceName": "tfl3d1_ns",
    "SequenceVariant": "SP\\MP",
    "SliceTiming": [
      0.0025000000000000022,
      0.5,
      -0.030000000000000027,
      0.46625,
      -0.06374999999999997,
      0.43374999999499997,
      -0.09624999999999995,
      0.399999999995,
      -0.1300000000049999,
      0.367499999995,
      -0.16250000000499998,
      0.333750000005,
      -0.19625000001000004,
      0.301250000005,
      -0.228749999995,
      0.26749999999999996,
      -0.26249999999500007,
      0.235,
      -0.29500000000000004,
      0.20124999999999998,
      -0.32875,
      0.168749999995,
      -0.36124999999999996,
      0.134999999995,
      -0.3950000000049999,
      0.10249999999499998,
      -0.427500000005,
      0.06875000000499998,
      -0.46125000001000005,
      0.036250000005000005
    ],
    "TaskName": "MPRAGE",
    "dataset": "ds000212",
    "modality": "T1w",
    "subject_id": "20"
  },
  "cjv": 0.5821321085369822,
  "cnr": 2.280745134104143,
  "efc": 0.6403611631778405,
  "fber": 640.3023252970805,
  "fwhm_avg": 3.3676190162353783,
  "fwhm_x": 2.9178570487061357,
  "fwhm_y": 3.94696,
  "fwhm_z": 3.23804,
  "icvs_csf": 0.22089818023102611,
  "icvs_gm": 0.3816352640144251,
  "icvs_wm": 0.3974665557545488,
  "inu_med": 1.4719878435134888,
  "inu_range": 0.36250652074813816,
  "provenance": {
    "md5sum": "cb56ecca84f004296e51b57bc659f07b",
    "settings": {
      "testing": false
    },
    "software": "mriqc",
    "version": "21.0.0rc2",
    "warnings": {
      "large_rot_frame": true,
      "small_air_mask": false
    },
    "webapi_port": null,
    "webapi_url": "https://mriqc.nimh.nih.gov/api/v1"
  },
  "qi_1": 0.0,
  "qi_2": 0.011708963409730025,
  "rpve_csf": 22.182562251971568,
  "rpve_gm": 12.647796022877712,
  "rpve_wm": 15.048496714782395,
  "size_x": 128,
  "size_y": 256,
  "size_z": 256,
  "snr_csf": 2.8828477709961065,
  "snr_gm": 10.110354964026506,
  "snr_total": 11.799416920801532,
  "snr_wm": 22.40504802738198,
  "snrd_csf": 31.238865093834317,
  "snrd_gm": 64.12917342746495,
  "snrd_total": 58.76416734685679,
  "snrd_wm": 80.9244635192711,
  "spacing_x": 1.3300000429153442,
  "spacing_y": 1.0,
  "spacing_z": 1.0,
  "summary_bg_k": 4.715059931258233,
  "summary_bg_mad": 8.095653303579729,
  "summary_bg_mean": 23.311298845452054,
  "summary_bg_median": 21.471541702747345,
  "summary_bg_n": 2575916.0,
  "summary_bg_p05": 0.0,
  "summary_bg_p95": 42.80425878241658,
  "summary_bg_stdv": 12.06815314873885,
  "summary_csf_k": 5.218481949407378,
  "summary_csf_mad": 160.67813590664173,
  "summary_csf_mean": 406.4798771119984,
  "summary_csf_median": 386.0250019058585,
  "summary_csf_n": 24164.0,
  "summary_csf_p05": 231.93661152031274,
  "summary_csf_p95": 608.4613817201927,
  "summary_csf_stdv": 133.90128264881258,
  "summary_gm_k": -0.1353591100073439,
  "summary_gm_mad": 78.34945824311907,
  "summary_gm_mean": 797.5875018186775,
  "summary_gm_median": 792.4572234041989,
  "summary_gm_n": 9355.0,
  "summary_gm_p05": 676.4322309229523,
  "summary_gm_p95": 933.7112773861735,
  "summary_gm_stdv": 78.37656247972612,
  "summary_wm_k": 0.7123119493393908,
  "summary_wm_mad": 42.467876228100444,
  "summary_wm_mean": 1000.827947165623,
  "summary_wm_median": 1000.0000349059701,
  "summary_wm_n": 175111.0,
  "summary_wm_p05": 929.6159510053694,
  "summary_wm_p95": 1074.5025826245546,
  "summary_wm_stdv": 44.63267288460627,
  "tpm_overlap_csf": 0.16954441368579865,
  "tpm_overlap_gm": 0.42228439450263977,
  "tpm_overlap_wm": 0.5082967877388,
  "wm2max": 0.5703548022561212
}