{
  "bids_meta": {
    "EchoTime": 0.0033900000000000002,
    "FlipAngle": 9,
    "MRAcquisitionType": "3D",
    "MagneticFieldStrength": 3,
    "Manufacturer": "SIEMENS",
    "ManufacturerModelName": "TrioTim",
    "RepetitionTime": 2,
    "ScanOptions": "IR",
    "ScanningSequence": "GR\\IR",
    "SequenceName": "tfl3d1_ns",
    "SequenceVariant": "SP\\MP",
    "SliceTiming": [
      0.0025000000000000022,
      0.5,
      -0.030000000000000027,
      0.46625,
      -0.06374999999999997,
      0.43375000000999997,
      -0.09624999999999995,
      0.40000000001,
      -0.12999999999,
      0.36750000001,
      -0.16249999998999998,
      0.333750000005,
      -0.19624999999500004,
      0.301250000005,
      -0.228749999995,
      0.26749999999999996,
      -0.26249999999500007,
      0.235,
      -0.29500000000000004,
      0.20124999999999998,
      -0.32875,
      0.168749999995,
      -0.36124999999999996,
      0.13500000001,
      -0.39499999999,
      0.10250000000999998,
      -0.42749999999,
      0.06875000000499998,
      -0.46124999999500005,
      0.036250000005000005
    ],
    "TaskName": "MPRAGE",
    "dataset": "ds000212",
    "modality": "T1w",
    "subject_id": "47"
  },
  "cjv": 0.4542357881812035,
  "cnr": 2.794791930028852,
  "efc": 0.6040876169184337,
  "fber": 706.0173849260783,
  "fwhm_avg": 3.5319481376016952,
  "fwhm_x": 3.0518044128050854,
  "fwhm_y": 4.17671,
  "fwhm_z": 3.36733,
  "icvs_csf": 0.2062480781224755,
  "icvs_gm": 0.4221730955098571,
  "icvs_wm": 0.3715788263676674,
  "inu_med": 1.7900487184524536,
  "inu_range": 0.5771867156028747,
  "provenance": {
    "md5sum": "2be60b0e5f69cef0eea32f954feb5ceb",
    "settings": {
      "testing": false
    },
    "software": "mriqc",
    "version": "21.0.0rc2",
    "warnings": {
      "large_rot_frame": true,
      "small_air_mask": false
    },
    "webapi_port": null,
    "webapi_url": "https://mriqc.nimh.nih.gov/api/v1"
  },
  "qi_1": 0.0,
  "qi_2": 0.01804490653036248,
  "rpve_csf": 24.550810460022713,
  "rpve_gm": 12.630273781292782,
  "rpve_wm": 17.342888635847945,
  "size_x": 128,
  "size_y": 256,
  "size_z": 256,
  "snr_csf": 2.9696720228537123,
  "snr_gm": 10.377024209212934,
  "snr_total": 12.088889225748062,
  "snr_wm": 22.919971445177545,
  "snrd_csf": 30.220794668373465,
  "snrd_gm": 63.996586071043275,
  "snrd_total": 59.47587059771066,
  "snrd_wm": 84.21023105371523,
  "spacing_x": 1.3300000429153442,
  "spacing_y": 1.0,
  "spacing_z": 1.0,
  "summary_bg_k": 1.552459922494564,
  "summary_bg_mad": 7.779771760868027,
  "summary_bg_mean": 22.556873033133808,
  "summary_bg_median": 20.79223546013236,
  "summary_bg_n": 2726328.0,
  "summary_bg_p05": 10.376390751451254,
  "summary_bg_p95": 41.663378834724426,
  "summary_bg_stdv": 10.497406250665556,
  "summary_csf_k": 2.103436003324866,
  "summary_csf_mad": 104.237242690728,
  "summary_csf_mean": 387.6077572275878,
  "summary_csf_median": 358.87319496273994,
  "summary_csf_n": 8801.0,
  "summary_csf_p05": 234.90886134654284,
  "summary_csf_p95": 619.5454903803766,
  "summary_csf_stdv": 120.83920494126573,
  "summary_gm_k": 0.4806989187414583,
  "summary_gm_mad": 67.50268129354664,
  "summary_gm_mean": 764.4193610527803,
  "summary_gm_median": 759.9621241614223,
  "summary_gm_n": 11461.0,
  "summary_gm_p05": 651.3848338648677,
  "summary_gm_p95": 896.4333622194827,
  "summary_gm_stdv": 73.2318778340919,
  "summary_wm_k": 0.48472017333924544,
  "summary_wm_mad": 41.531112407641345,
  "summary_wm_mean": 1000.8277233362344,
  "summary_wm_median": 999.9999999478459,
  "summary_wm_n": 150173.0,
  "summary_wm_p05": 930.4426733516157,
  "summary_wm_p95": 1073.4632683098316,
  "summary_wm_stdv": 43.62992653986875,
  "tpm_overlap_csf": 0.17605283856391907,
  "tpm_overlap_gm": 0.4625560939311981,
  "tpm_overlap_wm": 0.5185524821281433,
  "wm2max": 0.6308632169396918
}