{
  "bids_meta": {
    "EchoTime": 0.0033900000000000002,
    "FlipAngle": 9,
    "MRAcquisitionType": "3D",
    "MagneticFieldStrength": 3,
    "Manufacturer": "SIEMENS",
    "ManufacturerModelName": "TrioTim",
    "RepetitionTime": 2,
    "ScanOptions": "IR",
    "ScanningSequence": "GR\\IR",
    "SequenceName": "tfl3d1_ns",
    "SequenceVariant": "SP\\MP",
    "SliceTiming": [
      0.0025000000000000022,
      0.5,
      -0.030000000000000027,
      0.46625000001,
      -0.06374999999999997,
      0.43375000000999997,
      -0.09624999998999995,
      0.40000000001,
      -0.12999999999,
      0.36750000001,
      -0.16249999998999998,
      0.333750000005,
      -0.19624999999500004,
      0.301250000005,
      -0.228749999995,
      0.26749999999999996,
      -0.26249999999500007,
      0.235,
      -0.29500000000000004,
      0.20125000001499999,
      -0.32875,
      0.16875000001,
      -0.36124999998500007,
      0.13500000001,
      -0.39499999999,
      0.10250000000999998,
      -0.42749999999,
      0.06875000000499998,
      -0.46124999999500005,
      0.036250000005000005
    ],
    "TaskName": "MPRAGE",
    "dataset": "ds000212",
    "modality": "T1w",
    "subject_id": "08"
  },
  "cjv": 0.5535443906762076,
  "cnr": 2.4406369049878616,
  "efc": 0.6120705275545434,
  "fber": 755.7192051400546,
  "fwhm_avg": 3.635610342075975,
  "fwhm_x": 3.148451026227925,
  "fwhm_y": 4.28009,
  "fwhm_z": 3.47829,
  "icvs_csf": 0.1860514236888711,
  "icvs_gm": 0.4262926866585709,
  "icvs_wm": 0.387655889652558,
  "inu_med": 1.7967703342437744,
  "inu_range": 0.795515155792236,
  "provenance": {
    "md5sum": "27473c5f2177f5b5d1ca214696610163",
    "settings": {
      "testing": false
    },
    "software": "mriqc",
    "version": "21.0.0rc2",
    "warnings": {
      "large_rot_frame": true,
      "small_air_mask": false
    },
    "webapi_port": null,
    "webapi_url": "https://mriqc.nimh.nih.gov/api/v1"
  },
  "qi_1": 0.0,
  "qi_2": 0.013733063028517204,
  "rpve_csf": 22.189107011345808,
  "rpve_gm": 10.474200217544894,
  "rpve_wm": 13.64386926748901,
  "size_x": 128,
  "size_y": 256,
  "size_z": 256,
  "snr_csf": 2.2166382791643904,
  "snr_gm": 9.93135001131906,
  "snr_total": 10.263971885186047,
  "snr_wm": 18.643927365074696,
  "snrd_csf": 29.01835823989691,
  "snrd_gm": 62.22626539964676,
  "snrd_total": 57.40585239700335,
  "snrd_wm": 80.97293355146638,
  "spacing_x": 1.3300000429153442,
  "spacing_y": 1.0,
  "spacing_z": 1.0,
  "summary_bg_k": 1.9790920318538125,
  "summary_bg_mad": 8.091223526432351,
  "summary_bg_mean": 25.280597190311457,
  "summary_bg_median": 21.366421170532703,
  "summary_bg_n": 2695366.0,
  "summary_bg_p05": 10.605982556939125,
  "summary_bg_p95": 47.52098009735346,
  "summary_bg_stdv": 11.593721701345371,
  "summary_csf_k": 23.73804794378244,
  "summary_csf_mad": 119.53637775842512,
  "summary_csf_mean": 396.7914993322918,
  "summary_csf_median": 358.38953679054976,
  "summary_csf_n": 10777.0,
  "summary_csf_p05": 224.6614829391241,
  "summary_csf_p95": 647.232659804821,
  "summary_csf_stdv": 161.6740594325879,
  "summary_gm_k": 0.11904923219973274,
  "summary_gm_mad": 75.87430363465809,
  "summary_gm_mean": 776.4437690281968,
  "summary_gm_median": 768.5218525603414,
  "summary_gm_n": 11243.0,
  "summary_gm_p05": 662.1067780606448,
  "summary_gm_p95": 915.615503847599,
  "summary_gm_stdv": 77.37998088190396,
  "summary_wm_k": 0.23359408760614864,
  "summary_wm_mad": 52.28762373213359,
  "summary_wm_mean": 1001.2625246593532,
  "summary_wm_median": 1000.0514814853668,
  "summary_wm_n": 194372.0,
  "summary_wm_p05": 915.0491649731994,
  "summary_wm_p95": 1091.4894670248032,
  "summary_wm_stdv": 53.639390959869885,
  "tpm_overlap_csf": 0.1913912296295166,
  "tpm_overlap_gm": 0.4649682343006134,
  "tpm_overlap_wm": 0.5306224822998047,
  "wm2max": 0.6059075392394357
}