{
  "bids_meta": {
    "EchoTime": 0.0033900000000000002,
    "FlipAngle": 9,
    "MRAcquisitionType": "3D",
    "MagneticFieldStrength": 3,
    "Manufacturer": "SIEMENS",
    "ManufacturerModelName": "TrioTim",
    "RepetitionTime": 2,
    "ScanOptions": "IR",
    "ScanningSequence": "GR\\IR",
    "SequenceName": "tfl3d1_ns",
    "SequenceVariant": "SP\\MP",
    "SliceTiming": [
      0.0025000000000000022,
      0.5,
      -0.030000000000000027,
      0.46625,
      -0.06374999999999997,
      0.43374999999499997,
      -0.09624999999999995,
      0.399999999995,
      -0.1300000000049999,
      0.367499999995,
      -0.16250000000499998,
      0.333750000005,
      -0.19625000001000004,
      0.301250000005,
      -0.228749999995,
      0.26749999999999996,
      -0.26249999999500007,
      0.235,
      -0.29500000000000004,
      0.20124999999999998,
      -0.32875,
      0.168749999995,
      -0.36124999999999996,
      0.134999999995,
      -0.3950000000049999,
      0.10249999999499998,
      -0.427500000005,
      0.06874999998999998,
      -0.46000000000499996,
      0.036250000005000005
    ],
    "TaskName": "MPRAGE",
    "dataset": "ds000212",
    "modality": "T1w",
    "subject_id": "27"
  },
  "cjv": 0.4277336331383619,
  "cnr": 3.136714204761302,
  "efc": 0.6011237922322035,
  "fber": 612.4003928224099,
  "fwhm_avg": 3.556724929773631,
  "fwhm_x": 3.033954789320892,
  "fwhm_y": 4.23757,
  "fwhm_z": 3.39865,
  "icvs_csf": 0.20557809177304479,
  "icvs_gm": 0.4070830538979286,
  "icvs_wm": 0.38733885432902665,
  "inu_med": 1.5457996129989624,
  "inu_range": 0.49970853328704834,
  "provenance": {
    "md5sum": "7590d5d41280605a4bf2fbb3ac92290d",
    "settings": {
      "testing": false
    },
    "software": "mriqc",
    "version": "21.0.0rc2",
    "warnings": {
      "large_rot_frame": true,
      "small_air_mask": false
    },
    "webapi_port": null,
    "webapi_url": "https://mriqc.nimh.nih.gov/api/v1"
  },
  "qi_1": 3.854877978656183e-06,
  "qi_2": 0.009807346656719241,
  "rpve_csf": 28.072532751238803,
  "rpve_gm": 14.324848001301486,
  "rpve_wm": 17.976076823478635,
  "size_x": 128,
  "size_y": 256,
  "size_z": 256,
  "snr_csf": 3.1557693939761795,
  "snr_gm": 10.925604311424067,
  "snr_total": 11.759078623288426,
  "snr_wm": 21.19586216446503,
  "snrd_csf": 25.097074319200402,
  "snrd_gm": 58.468559130000784,
  "snrd_total": 54.25511354683931,
  "snrd_wm": 79.19970719131673,
  "spacing_x": 1.3300000429153442,
  "spacing_y": 1.0,
  "spacing_z": 1.0,
  "summary_bg_k": 6.391421873413016,
  "summary_bg_mad": 8.271954779946741,
  "summary_bg_mean": 24.11500445155897,
  "summary_bg_median": 21.924482971429825,
  "summary_bg_n": 2908134.0,
  "summary_bg_p05": 10.92295029759407,
  "summary_bg_p95": 48.79965564608574,
  "summary_bg_stdv": 13.154787328309153,
  "summary_csf_k": 1.5248927137157828,
  "summary_csf_mad": 81.96225616468355,
  "summary_csf_mean": 339.53455236811146,
  "summary_csf_median": 316.88343219459057,
  "summary_csf_n": 19899.0,
  "summary_csf_p05": 216.1015346646309,
  "summary_csf_p95": 542.3794899389147,
  "summary_csf_stdv": 100.41147822905512,
  "summary_gm_k": 0.1372014639087511,
  "summary_gm_mad": 67.10768948238483,
  "summary_gm_mean": 739.6372506683953,
  "summary_gm_median": 738.2421336025,
  "summary_gm_n": 6247.0,
  "summary_gm_p05": 631.7158643692732,
  "summary_gm_p95": 851.8211711034179,
  "summary_gm_stdv": 67.5645046684516,
  "summary_wm_k": 0.5234718876353517,
  "summary_wm_mad": 44.85496606027458,
  "summary_wm_mean": 1000.3658216708027,
  "summary_wm_median": 1000.0000288635492,
  "summary_wm_n": 135594.0,
  "summary_wm_p05": 923.5786679685116,
  "summary_wm_p95": 1077.9930372834206,
  "summary_wm_stdv": 47.17884715509926,
  "tpm_overlap_csf": 0.18168018758296967,
  "tpm_overlap_gm": 0.43313509225845337,
  "tpm_overlap_wm": 0.4917430877685547,
  "wm2max": 0.6332560073946382
}