{
  "bids_meta": {
    "EchoTime": 0.0033900000000000002,
    "FlipAngle": 9,
    "MRAcquisitionType": "3D",
    "MagneticFieldStrength": 3,
    "Manufacturer": "SIEMENS",
    "ManufacturerModelName": "TrioTim",
    "RepetitionTime": 2,
    "ScanOptions": "IR",
    "ScanningSequence": "GR\\IR",
    "SequenceName": "tfl3d1_ns",
    "SequenceVariant": "SP\\MP",
    "SliceTiming": [
      0.0037500000050000315,
      0.5,
      -0.030000000000000027,
      0.4675,
      -0.0625,
      0.43374999999499997,
      -0.09624999999999995,
      0.401249999995,
      -0.12875000000499992,
      0.367499999995,
      -0.16250000000499998,
      0.33499999998999996,
      -0.19500000000499995,
      0.30124999999,
      -0.22875000001,
      0.26875000000500004,
      -0.26125000001,
      0.235,
      -0.29500000000000004,
      0.2025,
      -0.3275,
      0.168749999995,
      -0.36124999999999996,
      0.13624999999499998,
      -0.39375000000499993,
      0.10249999999499998,
      -0.427500000005,
      0.06999999999,
      -0.46000000000499996,
      0.036249999990000004
    ],
    "TaskName": "MPRAGE",
    "dataset": "ds000212",
    "modality": "T1w",
    "subject_id": "07"
  },
  "cjv": 0.39100241536295827,
  "cnr": 3.3268193558135115,
  "efc": 0.57601271308388,
  "fber": 874.5682090215792,
  "fwhm_avg": 3.5693032004618868,
  "fwhm_x": 3.0328796013856603,
  "fwhm_y": 4.23438,
  "fwhm_z": 3.44065,
  "icvs_csf": 0.20141661376681005,
  "icvs_gm": 0.4468689961520281,
  "icvs_wm": 0.3517143900811619,
  "inu_med": 1.6111243963241577,
  "inu_range": 0.4589109718799591,
  "provenance": {
    "md5sum": "84593f99e59f923cbbb93a565d0ccae3",
    "settings": {
      "testing": false
    },
    "software": "mriqc",
    "version": "21.0.0rc2",
    "warnings": {
      "large_rot_frame": true,
      "small_air_mask": false
    },
    "webapi_port": null,
    "webapi_url": "https://mriqc.nimh.nih.gov/api/v1"
  },
  "qi_1": 4.805995685589016e-06,
  "qi_2": 0.010701218072701095,
  "rpve_csf": 28.178386486861285,
  "rpve_gm": 13.716295709579708,
  "rpve_wm": 20.09000409816306,
  "size_x": 128,
  "size_y": 256,
  "size_z": 256,
  "snr_csf": 2.966337583099313,
  "snr_gm": 11.559360588802551,
  "snr_total": 12.616558284337367,
  "snr_wm": 23.323976681110242,
  "snrd_csf": 34.13969298247184,
  "snrd_gm": 73.21657616352891,
  "snrd_total": 68.70285695443795,
  "snrd_wm": 98.75230171731309,
  "spacing_x": 1.3300000429153442,
  "spacing_y": 1.0,
  "spacing_z": 1.0,
  "summary_bg_k": 2.75634964171965,
  "summary_bg_mad": 6.634137763668516,
  "summary_bg_mean": 20.664916715260116,
  "summary_bg_median": 17.769555021077394,
  "summary_bg_n": 2718325.0,
  "summary_bg_p05": 8.820239175111055,
  "summary_bg_p95": 39.02418015524745,
  "summary_bg_stdv": 9.47255729991281,
  "summary_csf_k": -0.4239086191493815,
  "summary_csf_mad": 116.28878022276639,
  "summary_csf_mean": 375.91129606175537,
  "summary_csf_median": 345.7103501074016,
  "summary_csf_n": 11550.0,
  "summary_csf_p05": 227.0652255350724,
  "summary_csf_p95": 587.862487187609,
  "summary_csf_stdv": 116.539461299694,
  "summary_gm_k": 0.19908330585596756,
  "summary_gm_mad": 61.429564100122896,
  "summary_gm_mean": 743.777610152331,
  "summary_gm_median": 741.4163973927498,
  "summary_gm_n": 11144.0,
  "summary_gm_p05": 640.4483228940517,
  "summary_gm_p95": 852.8396822307259,
  "summary_gm_stdv": 64.13703644576607,
  "summary_wm_k": 0.9843528344440067,
  "summary_wm_mad": 39.67724700963286,
  "summary_wm_mean": 999.0734244073816,
  "summary_wm_median": 999.9999946728349,
  "summary_wm_n": 121583.0,
  "summary_wm_p05": 926.5983945131302,
  "summary_wm_p95": 1066.6422798354176,
  "summary_wm_stdv": 42.87415889320672,
  "tpm_overlap_csf": 0.17780494689941406,
  "tpm_overlap_gm": 0.469457745552063,
  "tpm_overlap_wm": 0.5097814798355103,
  "wm2max": 0.6973925045758694
}