{
  "bids_meta": {
    "EchoTime": 0.0033900000000000002,
    "FlipAngle": 9,
    "MRAcquisitionType": "3D",
    "MagneticFieldStrength": 3,
    "Manufacturer": "SIEMENS",
    "ManufacturerModelName": "TrioTim",
    "RepetitionTime": 2,
    "ScanOptions": "IR",
    "ScanningSequence": "GR\\IR",
    "SequenceName": "tfl3d1_ns",
    "SequenceVariant": "SP\\MP",
    "SliceTiming": [
      0.0037500000050000315,
      0.5,
      -0.030000000000000027,
      0.4675,
      -0.0625,
      0.43374999999499997,
      -0.09624999999999995,
      0.401249999995,
      -0.12875000000499992,
      0.36750000001,
      -0.16250000000499998,
      0.33500000000499996,
      -0.19499999998999995,
      0.301250000005,
      -0.228749999995,
      0.26875000000500004,
      -0.2612499999950001,
      0.235,
      -0.29500000000000004,
      0.2025,
      -0.3275,
      0.168749999995,
      -0.36124999999999996,
      0.13624999999499998,
      -0.39375000000499993,
      0.10250000000999998,
      -0.427500000005,
      0.07000000000500001,
      -0.45999999998999996,
      0.036250000005000005
    ],
    "TaskName": "MPRAGE",
    "dataset": "ds000212",
    "modality": "T1w",
    "subject_id": "31"
  },
  "cjv": 0.7589280032567526,
  "cnr": 1.8458696400157542,
  "efc": 0.6321226963543525,
  "fber": 439.8521153544348,
  "fwhm_avg": 4.012798985924252,
  "fwhm_x": 3.4058269577727547,
  "fwhm_y": 4.77051,
  "fwhm_z": 3.86206,
  "icvs_csf": 0.23264240384816773,
  "icvs_gm": 0.3831020530837361,
  "icvs_wm": 0.3842555430680962,
  "inu_med": 1.6533207893371582,
  "inu_range": 0.7854580879211426,
  "provenance": {
    "md5sum": "583ddac65044184a816587f543c02766",
    "settings": {
      "testing": false
    },
    "software": "mriqc",
    "version": "21.0.0rc2",
    "warnings": {
      "large_rot_frame": true,
      "small_air_mask": false
    },
    "webapi_port": null,
    "webapi_url": "https://mriqc.nimh.nih.gov/api/v1"
  },
  "qi_1": 0.0,
  "qi_2": 0.004985464106496958,
  "rpve_csf": 22.782901345917494,
  "rpve_gm": 13.031997682254087,
  "rpve_wm": 15.819357415207904,
  "size_x": 128,
  "size_y": 256,
  "size_z": 256,
  "snr_csf": 3.366200657562728,
  "snr_gm": 8.470345432412657,
  "snr_total": 8.779555580705695,
  "snr_wm": 14.5021206521417,
  "snrd_csf": 16.615991120641215,
  "snrd_gm": 33.16004783659584,
  "snrd_total": 30.6945817521591,
  "snrd_wm": 42.30770629924025,
  "spacing_x": 1.3300000429153442,
  "spacing_y": 1.0,
  "spacing_z": 1.0,
  "summary_bg_k": 7.673231811493238,
  "summary_bg_mad": 15.485349578965998,
  "summary_bg_mean": 30.871633354389488,
  "summary_bg_median": 23.439871475100517,
  "summary_bg_n": 2756171.0,
  "summary_bg_p05": 11.416310459375381,
  "summary_bg_p95": 69.226563423872,
  "summary_bg_stdv": 20.136896334305643,
  "summary_csf_k": 0.0328783701613391,
  "summary_csf_mad": 118.8110445409426,
  "summary_csf_mean": 398.8388845766931,
  "summary_csf_median": 392.74941816180944,
  "summary_csf_n": 22544.0,
  "summary_csf_p05": 222.61805395781994,
  "summary_csf_p95": 601.5363286145031,
  "summary_csf_stdv": 116.67180518556512,
  "summary_gm_k": -0.5064687547548408,
  "summary_gm_mad": 99.87450271085046,
  "summary_gm_mean": 790.7537217830795,
  "summary_gm_median": 783.7985347658396,
  "summary_gm_n": 4780.0,
  "summary_gm_p05": 649.1366755582392,
  "summary_gm_p95": 946.6003847546876,
  "summary_gm_stdv": 92.52474405399668,
  "summary_wm_k": 0.9208559212323184,
  "summary_wm_mad": 64.22218623834735,
  "summary_wm_mean": 1007.200988693438,
  "summary_wm_median": 1000.0202161967754,
  "summary_wm_n": 159106.0,
  "summary_wm_p05": 907.2728145569563,
  "summary_wm_p95": 1132.1984206289053,
  "summary_wm_stdv": 68.95660969567054,
  "tpm_overlap_csf": 0.18438853323459625,
  "tpm_overlap_gm": 0.4457092881202698,
  "tpm_overlap_wm": 0.5182052254676819,
  "wm2max": 0.6334707592864496
}