{
  "bids_meta": {
    "EchoTime": 0.0033900000000000002,
    "FlipAngle": 9,
    "MRAcquisitionType": "3D",
    "MagneticFieldStrength": 3,
    "Manufacturer": "SIEMENS",
    "ManufacturerModelName": "TrioTim",
    "RepetitionTime": 2,
    "ScanOptions": "IR",
    "ScanningSequence": "GR\\IR",
    "SequenceName": "tfl3d1_ns",
    "SequenceVariant": "SP\\MP",
    "SliceTiming": [
      0.0037500000050000315,
      0.5,
      -0.030000000000000027,
      0.4675,
      -0.0625,
      0.43374999999499997,
      -0.09624999999999995,
      0.401249999995,
      -0.12875000000499992,
      0.36750000001,
      -0.16249999998999998,
      0.33500000000499996,
      -0.19499999998999995,
      0.301250000005,
      -0.228749999995,
      0.26875000000500004,
      -0.2612499999950001,
      0.235,
      -0.29500000000000004,
      0.2025,
      -0.3275,
      0.168749999995,
      -0.36124999999999996,
      0.13624999999499998,
      -0.39375000000499993,
      0.10250000000999998,
      -0.42749999999,
      0.07000000000500001,
      -0.45999999998999996,
      0.036250000005000005
    ],
    "TaskName": "MPRAGE",
    "dataset": "ds000212",
    "modality": "T1w",
    "subject_id": "09"
  },
  "cjv": 0.5161373607860339,
  "cnr": 2.663696346588743,
  "efc": 0.5872209713972896,
  "fber": 790.9302275074169,
  "fwhm_avg": 3.6465000159967507,
  "fwhm_x": 3.1730600479902527,
  "fwhm_y": 4.35692,
  "fwhm_z": 3.40952,
  "icvs_csf": 0.2014508025398725,
  "icvs_gm": 0.43869840510646635,
  "icvs_wm": 0.3598507923536612,
  "inu_med": 1.4150700569152832,
  "inu_range": 0.4990054488182065,
  "provenance": {
    "md5sum": "43b774f267c9f16619318b3eeb4523a3",
    "settings": {
      "testing": false
    },
    "software": "mriqc",
    "version": "21.0.0rc2",
    "warnings": {
      "large_rot_frame": true,
      "small_air_mask": false
    },
    "webapi_port": null,
    "webapi_url": "https://mriqc.nimh.nih.gov/api/v1"
  },
  "qi_1": 0.0,
  "qi_2": 0.01884630267948645,
  "rpve_csf": 25.20336758146422,
  "rpve_gm": 12.34819727113347,
  "rpve_wm": 17.58662997241595,
  "size_x": 128,
  "size_y": 256,
  "size_z": 256,
  "snr_csf": 3.663977301722974,
  "snr_gm": 10.433015725787973,
  "snr_total": 11.405956157742038,
  "snr_wm": 20.120875445715164,
  "snrd_csf": 43.662436666359234,
  "snrd_gm": 67.30758377714642,
  "snrd_total": 66.39435938241098,
  "snrd_wm": 88.21305770372729,
  "spacing_x": 1.3300000429153442,
  "spacing_y": 1.0,
  "spacing_z": 1.0,
  "summary_bg_k": 1.4289992804124356,
  "summary_bg_mad": 7.427122783944535,
  "summary_bg_mean": 22.116276117231475,
  "summary_bg_median": 19.887787219136953,
  "summary_bg_n": 2585645.0,
  "summary_bg_p05": 9.918846018612385,
  "summary_bg_p95": 39.67538407444954,
  "summary_bg_stdv": 9.865934277920788,
  "summary_csf_k": -0.658805774200454,
  "summary_csf_mad": 156.86083319690857,
  "summary_csf_mean": 471.4930318664946,
  "summary_csf_median": 494.99049247428775,
  "summary_csf_n": 13233.0,
  "summary_csf_p05": 250.12524328753352,
  "summary_csf_p95": 657.3389580152929,
  "summary_csf_stdv": 135.09139071508926,
  "summary_gm_k": -0.180387640061348,
  "summary_gm_mad": 74.34549906728479,
  "summary_gm_mean": 767.5630875394024,
  "summary_gm_median": 763.049810886383,
  "summary_gm_n": 14347.0,
  "summary_gm_p05": 653.5066765990108,
  "summary_gm_p95": 894.2841589417308,
  "summary_gm_stdv": 73.13544212112156,
  "summary_wm_k": 0.24770227664857325,
  "summary_wm_mad": 47.9792131842817,
  "summary_wm_mean": 999.3136650109534,
  "summary_wm_median": 1000.0501165129244,
  "summary_wm_n": 136037.0,
  "summary_wm_p05": 914.8782882258296,
  "summary_wm_p95": 1079.3006942979991,
  "summary_wm_stdv": 49.701934866074055,
  "tpm_overlap_csf": 0.1803416907787323,
  "tpm_overlap_gm": 0.4783829152584076,
  "tpm_overlap_wm": 0.5104281902313232,
  "wm2max": 0.6521492807369348
}