{
  "bids_meta": {
    "EchoTime": 0.0033900000000000002,
    "FlipAngle": 9,
    "MRAcquisitionType": "3D",
    "MagneticFieldStrength": 3,
    "Manufacturer": "SIEMENS",
    "ManufacturerModelName": "TrioTim",
    "RepetitionTime": 2,
    "ScanOptions": "IR",
    "ScanningSequence": "GR\\IR",
    "SequenceName": "tfl3d1_ns",
    "SequenceVariant": "SP\\MP",
    "SliceTiming": [
      0.0037500000050000315,
      0.5,
      -0.028750000000000053,
      0.4675,
      -0.0625,
      0.435,
      -0.09499999999999997,
      0.40125000001,
      -0.12875000000499992,
      0.36875000001,
      -0.16124999999,
      0.33500000000499996,
      -0.19499999998999995,
      0.302500000005,
      -0.22749999999500004,
      0.26875000000500004,
      -0.2612499999950001,
      0.23625000000000002,
      -0.29374999999500007,
      0.2025,
      -0.3275,
      0.16999999999999998,
      -0.36,
      0.13624999999499998,
      -0.39375000000499993,
      0.10375000001000001,
      -0.4262500000049999,
      0.07000000000500001,
      -0.45999999998999996,
      0.03750000000499998
    ],
    "TaskName": "MPRAGE",
    "dataset": "ds000212",
    "modality": "T1w",
    "subject_id": "06"
  },
  "cjv": 0.36257097850375414,
  "cnr": 3.5806537103288645,
  "efc": 0.5593391832963661,
  "fber": 1001.1685644687005,
  "fwhm_avg": 3.6435950792549043,
  "fwhm_x": 3.117135237764713,
  "fwhm_y": 4.36984,
  "fwhm_z": 3.44381,
  "icvs_csf": 0.19955376159022067,
  "icvs_gm": 0.42493971443293294,
  "icvs_wm": 0.37550652397684636,
  "inu_med": 1.4906426668167114,
  "inu_range": 0.4713393449783323,
  "provenance": {
    "md5sum": "442e1609ba2c70fef8d13dbf4cc9b69b",
    "settings": {
      "testing": false
    },
    "software": "mriqc",
    "version": "21.0.0rc2",
    "warnings": {
      "large_rot_frame": true,
      "small_air_mask": false
    },
    "webapi_port": null,
    "webapi_url": "https://mriqc.nimh.nih.gov/api/v1"
  },
  "qi_1": 0.00014649958168386554,
  "qi_2": 0.008873521785668035,
  "rpve_csf": 25.497263472723596,
  "rpve_gm": 12.70690384387645,
  "rpve_wm": 17.372330019126043,
  "size_x": 128,
  "size_y": 256,
  "size_z": 256,
  "snr_csf": 3.1428034100176623,
  "snr_gm": 10.646529388376647,
  "snr_total": 12.953337947681021,
  "snr_wm": 25.07068104464875,
  "snrd_csf": 38.11426143910881,
  "snrd_gm": 76.80147257365715,
  "snrd_total": 73.98415784030847,
  "snrd_wm": 107.03673950815947,
  "spacing_x": 1.3300000429153442,
  "spacing_y": 1.0,
  "spacing_z": 1.0,
  "summary_bg_k": 5.87043959447408,
  "summary_bg_mad": 6.120668012933285,
  "summary_bg_mean": 17.493945246711146,
  "summary_bg_median": 16.233424723148346,
  "summary_bg_n": 2888380.0,
  "summary_bg_p05": 4.093342009931803,
  "summary_bg_p95": 34.391070049256086,
  "summary_bg_stdv": 9.529604870918117,
  "summary_csf_k": -0.706603989532685,
  "summary_csf_mad": 132.45021839851816,
  "summary_csf_mean": 372.70370627286115,
  "summary_csf_median": 356.0857690349221,
  "summary_csf_n": 12344.0,
  "summary_csf_p05": 217.16228937562556,
  "summary_csf_p95": 566.1196957223116,
  "summary_csf_stdv": 113.29736507622086,
  "summary_gm_k": 0.2056908680225784,
  "summary_gm_mad": 65.0191301204396,
  "summary_gm_mean": 718.5796862827225,
  "summary_gm_median": 717.5243699289858,
  "summary_gm_n": 12510.0,
  "summary_gm_p05": 609.2239865200594,
  "summary_gm_p95": 833.6808212723582,
  "summary_gm_stdv": 67.39244923390862,
  "summary_wm_k": 0.6480805131532432,
  "summary_wm_mad": 37.39831896038049,
  "summary_wm_mean": 999.0376260917859,
  "summary_wm_median": 999.9999544434249,
  "summary_wm_n": 148094.0,
  "summary_wm_p05": 931.4277293197811,
  "summary_wm_p95": 1062.0648153461516,
  "summary_wm_stdv": 39.88709267302938,
  "tpm_overlap_csf": 0.17906200885772705,
  "tpm_overlap_gm": 0.4623921811580658,
  "tpm_overlap_wm": 0.5075505375862122,
  "wm2max": 0.7073705546903071
}